STORAGE: NONE
RESTRICTION: || (== net6.0) (== netstandard2.0)
NUGET
  remote: https://api.nuget.org/v3/index.json
    Aardium (2.0.10-prerelease0007)
      FSharp.Core (>= 4.7)
      FSys (>= 0.0.1 < 0.1)
    Aardvark.Application (5.2.17)
      Aardvark.Base.Essentials (>= 5.2.11 < 5.3)
      Aardvark.Base.Incremental (>= 5.2.11 < 5.3)
      Aardvark.Rendering (5.2.17)
      FShade.Core (>= 5.2.9 < 5.3)
      FShade.GLSL (>= 5.2.9)
      FSharp.Core (>= 5.0)
    Aardvark.Application.Slim (5.2.17)
      Aardvark.Application (5.2.17)
      Aardvark.Base.Essentials (>= 5.2.11 < 5.3)
      Aardvark.Base.Incremental (>= 5.2.11 < 5.3)
      Aardvark.Base.Runtime (>= 5.2.11 < 5.3)
      Aardvark.Rendering (5.2.17)
      FShade (>= 5.2.9 < 5.3)
      FSharp.Core (>= 5.0)
      Silk.NET.GLFW (2.15)
      Unofficial.OpenTK (>= 3.0.19 < 3.1)
    Aardvark.Application.Slim.GL (5.2.17)
      Aardvark.Application (5.2.17)
      Aardvark.Application.Slim (5.2.17)
      Aardvark.Base.Essentials (>= 5.2.11 < 5.3)
      Aardvark.Base.Incremental (>= 5.2.11 < 5.3)
      Aardvark.Base.Runtime (>= 5.2.11 < 5.3)
      Aardvark.Base.Tensors (>= 5.2.11 < 5.3)
      Aardvark.Rendering (5.2.17)
      Aardvark.Rendering.GL (5.2.17)
      FShade (>= 5.2.9 < 5.3)
      FSharp.Core (>= 5.0)
      Silk.NET.Core (2.15)
      Silk.NET.GLFW (2.15)
      Unofficial.OpenTK (>= 3.0.19 < 3.1)
    Aardvark.Application.Slim.Vulkan (5.2.17)
      Aardvark.Application (5.2.17)
      Aardvark.Application.Slim (5.2.17)
      Aardvark.Base.Essentials (>= 5.2.11 < 5.3)
      Aardvark.Base.Incremental (>= 5.2.11 < 5.3)
      Aardvark.Base.Runtime (>= 5.2.11 < 5.3)
      Aardvark.Rendering (5.2.17)
      Aardvark.Rendering.Vulkan (5.2.17)
      FShade (>= 5.2.9 < 5.3)
      FSharp.Core (>= 5.0)
      GLSLangSharp (>= 0.4.14 < 0.5)
      Silk.NET.GLFW (2.15)
      Unofficial.OpenTK (>= 3.0.19 < 3.1)
    Aardvark.Assembler (0.0.7)
      Aardvark.Base (>= 5.2.7 < 5.3)
      Aardvark.Base.Runtime (>= 5.2.7 < 5.3)
      FSharp.Core (>= 5.0)
      FSharp.Data.Adaptive (>= 1.2.13 < 1.3)
    Aardvark.Base (5.2.15)
      Aardvark.Base.Telemetry (5.2.15)
      System.Collections.Immutable (>= 5.0)
      System.Reflection.Metadata (>= 5.0) - restriction: || (&& (== net6.0) (< netcoreapp3.1)) (== netstandard2.0)
      System.Text.Json (>= 4.7.2)
    Aardvark.Base.Essentials (5.2.15)
      Aardvark.Base (5.2.15)
      System.Collections.Immutable (>= 5.0)
    Aardvark.Base.FSharp (5.2.15)
      Aardvark.Base (5.2.15)
      Aardvark.Base.TypeProviders (>= 4.5.15 < 4.6)
      FSharp.Core (>= 5.0)
      FSharp.Data.Adaptive (>= 1.2 < 1.3)
      FsPickler (>= 5.3.2 < 5.4)
      System.Dynamic.Runtime (>= 4.3 < 4.4)
    Aardvark.Base.Incremental (5.2.15)
      Aardvark.Base (5.2.15)
      Aardvark.Base.FSharp (5.2.15)
      Aardvark.Base.TypeProviders (>= 4.5.15 < 4.6)
      FSharp.Core (>= 5.0)
      FSharp.Data.Adaptive (>= 1.2 < 1.3)
      FsPickler (>= 5.3.2 < 5.4)
    Aardvark.Base.IO (5.2.15)
      Aardvark.Base (5.2.15)
      Aardvark.Base.Tensors (5.2.15)
      System.Dynamic.Runtime (>= 4.3 < 4.4)
    Aardvark.Base.Runtime (5.2.15)
      Aardvark.Base.FSharp (5.2.15)
      Aardvark.Base.Incremental (5.2.15)
      Aardvark.Base.TypeProviders (>= 4.5.15 < 4.6)
      FSharp.Core (>= 5.0)
      FSharp.Data.Adaptive (>= 1.2 < 1.3)
      FsPickler (>= 5.3.2 < 5.4)
    Aardvark.Base.Telemetry (5.2.15)
    Aardvark.Base.Tensors (5.2.15)
      Aardvark.Base (5.2.15)
      Aardvark.Base.FSharp (5.2.15)
      FSharp.Core (>= 5.0)
      SixLabors.ImageSharp (>= 2.1.3 < 2.2)
    Aardvark.Base.TypeProviders (4.5.15)
      FSharp.Core (>= 4.2.3)
    Aardvark.Build (1.0.14)
    Aardvark.Data.Wavefront (5.2.14)
      Aardvark.Geometry.PolyMesh (5.2.14)
    Aardvark.Geometry (5.2.15)
      Aardvark.Base (5.2.15)
      Aardvark.Base.FSharp (5.2.15)
      Aardvark.Base.Tensors (5.2.15)
      Aardvark.Base.TypeProviders (>= 4.5.15 < 4.6)
      FSharp.Core (>= 5.0)
      FSharp.Data.Adaptive (>= 1.2 < 1.3)
      FsPickler (>= 5.3.2 < 5.4)
      Unofficial.LibTessDotNet (>= 2.0.2 < 2.1)
    Aardvark.Geometry.Clustering (5.2.14)
      Aardvark.Base (>= 5.2.14 < 5.3)
      Aardvark.Geometry.PointTree (5.2.14)
      FSharp.Core (>= 5.0)
    Aardvark.Geometry.Intersection (5.2.14)
      Aardvark.Base.IO (>= 5.2.14 < 5.3)
    Aardvark.Geometry.PointTree (5.2.14)
      Aardvark.Base.IO (>= 5.2.14 < 5.3)
    Aardvark.Geometry.PolyMesh (5.2.14)
      Aardvark.Base (>= 5.2.14 < 5.3)
      Aardvark.Geometry.Clustering (5.2.14)
      Aardvark.Geometry.Intersection (5.2.14)
      Aardvark.Rendering (>= 5.2.13)
    Aardvark.GPGPU (5.2.17)
      Aardvark.Base.Incremental (>= 5.2.11 < 5.3)
      Aardvark.Rendering (5.2.17)
      FShade.Core (>= 5.2.9 < 5.3)
      FShade.GLSL (>= 5.2.9)
      FSharp.Core (>= 5.0)
    Aardvark.PixImage.DevIL (5.2.15)
      Aardvark.Base (5.2.15)
      Aardvark.Base.Tensors (5.2.15)
      DevILSharp
    Aardvark.Rendering (5.2.17)
      Aardvark.Base.Essentials (>= 5.2.11 < 5.3)
      Aardvark.Base.Incremental (>= 5.2.11 < 5.3)
      Aardvark.Base.Tensors (>= 5.2.11 < 5.3)
      FShade.Core (>= 5.2.9 < 5.3)
      FShade.GLSL (>= 5.2.9)
      FSharp.Core (>= 5.0)
      FSharp.Data.Adaptive (>= 1.2.13 < 1.3)
    Aardvark.Rendering.GL (5.2.17)
      Aardvark.Assembler (>= 0.0.6 < 0.1)
      Aardvark.Base.Essentials (>= 5.2.11 < 5.3)
      Aardvark.Base.Incremental (>= 5.2.11 < 5.3)
      Aardvark.Base.Runtime (>= 5.2.11 < 5.3)
      Aardvark.Base.Tensors (>= 5.2.11 < 5.3)
      Aardvark.Geometry (>= 5.2.11 < 5.3)
      Aardvark.Rendering (5.2.17)
      FShade (>= 5.2.9 < 5.3)
      FSharp.Core (>= 5.0)
      Unofficial.OpenTK (>= 3.0.19 < 3.1)
    Aardvark.Rendering.Text (5.2.17)
      Aardvark.Base.Incremental (>= 5.2.11 < 5.3)
      Aardvark.Rendering (5.2.17)
      Aardvark.SceneGraph (5.2.17)
      CommonMark.NET (>= 0.15.1 < 0.16)
      FShade.Core (>= 5.2.9 < 5.3)
      FShade.GLSL (>= 5.2.9)
      FSharp.Core (>= 5.0)
      Unofficial.LibTessDotNet (>= 2.0.2 < 2.1)
      Unofficial.Typography (>= 0.1 < 0.2)
    Aardvark.Rendering.Vulkan (5.2.17)
      Aardvark.Base.Incremental (>= 5.2.11 < 5.3)
      Aardvark.Base.Runtime (>= 5.2.11 < 5.3)
      Aardvark.Base.Tensors (>= 5.2.11 < 5.3)
      Aardvark.Rendering (5.2.17)
      FShade (>= 5.2.9 < 5.3)
      FSharp.Core (>= 5.0)
      GLSLangSharp (>= 0.4.14 < 0.5)
    Aardvark.SceneGraph (5.2.17)
      Aardvark.Base.Incremental (>= 5.2.11 < 5.3)
      Aardvark.Rendering (5.2.17)
      FShade.Core (>= 5.2.9 < 5.3)
      FShade.GLSL (>= 5.2.9)
      FSharp.Core (>= 5.0)
    Aardvark.SceneGraph.IO (5.2.17)
      Aardvark.Base.Incremental (>= 5.2.11 < 5.3)
      Aardvark.Base.Tensors (>= 5.2.11 < 5.3)
      Aardvark.Rendering (5.2.17)
      Aardvark.SceneGraph (5.2.17)
      AssimpNet (>= 5.0.0-beta1 < 5.1.0-beta)
      FShade.Core (>= 5.2.9 < 5.3)
      FShade.GLSL (>= 5.2.9)
      FSharp.Core (>= 5.0)
    Aardvark.SceneGraph.Opc (5.2.17)
      Aardvark.Base.Incremental (>= 5.2.11 < 5.3)
      Aardvark.Base.IO (>= 5.2.11 < 5.3)
      Aardvark.Rendering (5.2.17)
      Aardvark.SceneGraph (5.2.17)
      FSharp.Core (>= 5.0)
      SharpZipLib (>= 1.2 < 1.3)
    Aardvark.Service (5.3.3)
      Aardvark.Application (>= 5.2.5)
      Aardvark.Base (>= 5.2.5 < 5.3)
      Aardvark.Base.FSharp (>= 5.2.5 < 5.3)
      Aardvark.GPGPU (>= 5.2.5 < 5.3)
      Aardvark.Rendering (>= 5.2.5 < 5.3)
      Aardvark.Rendering.GL (>= 5.2.5)
      Aardvark.Rendering.Vulkan (>= 5.2.5 < 5.3)
      FSharp.Core (>= 5.0.1)
      FSharp.Data.Adaptive (>= 1.2.8 < 1.3)
      FsPickler (>= 5.3.2 < 5.4)
      FsPickler.Json (>= 5.3.2 < 5.4)
      Suave (>= 2.5.6 < 2.6)
    Aardvark.Service.Giraffe (5.3.3)
      Aardvark.Application (>= 5.2.5)
      Aardvark.Base (>= 5.2.5 < 5.3)
      Aardvark.Base.FSharp (>= 5.2.5 < 5.3)
      Aardvark.GPGPU (>= 5.2.5 < 5.3)
      Aardvark.Rendering (>= 5.2.5 < 5.3)
      Aardvark.Rendering.GL (>= 5.2.5)
      Aardvark.Rendering.Vulkan (>= 5.2.5 < 5.3)
      Aardvark.Service (5.3.3)
      Aardvark.UI (5.3.3)
      FSharp.Core (>= 5.0.1)
      FSharp.Data.Adaptive (>= 1.2.8 < 1.3)
      FsPickler (>= 5.3.2 < 5.4)
      FsPickler.Json (>= 5.3.2 < 5.4)
      Giraffe (>= 5.0 < 5.1)
      Suave (>= 2.5.6 < 2.6)
    Aardvark.UI (5.3.3)
      Aardvark.Application (>= 5.2.5)
      Aardvark.Base (>= 5.2.5 < 5.3)
      Aardvark.Base.FSharp (>= 5.2.5 < 5.3)
      Aardvark.Base.Incremental (>= 5.2.5 < 5.3)
      Aardvark.Rendering (>= 5.2.5 < 5.3)
      Aardvark.SceneGraph (>= 5.2.5 < 5.3)
      Aardvark.Service (5.3.3)
      FSharp.Core (>= 5.0.1)
      FSharp.Data.Adaptive (>= 1.2.8 < 1.3)
      FsPickler (>= 5.3.2 < 5.4)
      FsPickler.Json (>= 5.3.2 < 5.4)
      Suave (>= 2.5.6 < 2.6)
    Aardvark.UI.Primitives (5.3.3)
      Aardvark.Application (>= 5.2.5)
      Aardvark.Base (>= 5.2.5 < 5.3)
      Aardvark.Base.FSharp (>= 5.2.5 < 5.3)
      Aardvark.Base.Incremental (>= 5.2.5 < 5.3)
      Aardvark.Rendering (>= 5.2.5 < 5.3)
      Aardvark.SceneGraph (>= 5.2.5 < 5.3)
      Aardvark.Service (5.3.3)
      Aardvark.UI (5.3.3)
      Adaptify.Core (>= 1.1.5 < 1.2)
      Aether (>= 8.3.1 < 8.4)
      FSharp.Core (>= 5.0.1)
      FSharp.Data.Adaptive (>= 1.2.8 < 1.3)
      FsPickler (>= 5.3.2 < 5.4)
      FsPickler.Json (>= 5.3.2 < 5.4)
    Adaptify.Core (1.1.8)
      FSharp.Data.Adaptive (>= 1.2.13 < 1.3)
    Adaptify.MSBuild (1.1.8)
      Adaptify.Core (1.1.8)
    Aether (8.3.1)
      FSharp.Core (>= 4.3.4)
    AssimpNet (5.0.0-beta1)
      NETStandard.Library (>= 1.6.1)
    Chiron (6.3.1)
      Aether (>= 8.2)
      FParsec (>= 1.0.3)
      FSharp.Core (>= 4.3.4)
    CommonMark.NET (0.15.1)
    DevILSharp (0.2.19)
      FSharp.Core (>= 5.0)
    Fable.Core (3.7.1) - restriction: || (== net6.0) (&& (== netstandard2.0) (>= net5.0))
    FParsec (1.1.1)
      FSharp.Core (>= 4.3.4)
    FShade (5.2.17)
      FShade.Core (5.2.17)
      FShade.GLSL (5.2.17)
      FShade.Imperative (5.2.17)
      FShade.SpirV (5.2.17)
    FShade.Core (5.2.17)
      Aardvark.Base (>= 5.2 < 5.3)
      Aardvark.Base.FSharp (>= 5.2 < 5.3)
      FShade.Imperative (5.2.17)
      FSharp.Core (>= 5.0)
    FShade.GLSL (5.2.17)
      Aardvark.Base (>= 5.2 < 5.3)
      Aardvark.Base.FSharp (>= 5.2 < 5.3)
      FShade.Core (5.2.17)
      FShade.Imperative (5.2.17)
      FSharp.Core (>= 5.0)
    FShade.Imperative (5.2.17)
      Aardvark.Base (>= 5.2 < 5.3)
      Aardvark.Base.FSharp (>= 5.2 < 5.3)
      FSharp.Core (>= 5.0)
      FsPickler (>= 5.3.2 < 5.4)
    FShade.SpirV (5.2.17)
      Aardvark.Base (>= 5.2 < 5.3)
      Aardvark.Base.FSharp (>= 5.2 < 5.3)
      FShade.Core (5.2.17)
      FShade.Imperative (5.2.17)
      FSharp.Core (>= 5.0)
    FSharp.Control.Websockets (0.2.2) - restriction: || (== net6.0) (&& (== netstandard2.0) (>= net5.0))
      FSharp.Core (>= 4.3.4)
      Microsoft.IO.RecyclableMemoryStream (>= 1.2.2)
    FSharp.Core (5.0.2)
    FSharp.Data (3.1.1)
      FSharp.Core (>= 4.3.4)
    FSharp.Data.Adaptive (1.2.13)
      FSharp.Core (>= 4.7)
      System.Reflection.Emit.Lightweight (>= 4.6)
    FsPickler (5.3.2)
      FSharp.Core (>= 4.3.2)
      System.Reflection.Emit.Lightweight (>= 4.3)
    FsPickler.Json (5.3.2)
      FSharp.Core (>= 4.3.2)
      FsPickler (>= 5.3.2)
      Newtonsoft.Json (>= 10.0.1)
    FSys (0.0.1)
      FSharp.Core (>= 4.7)
    Giraffe (5.0)
      FSharp.Core (>= 5.0) - restriction: || (== net6.0) (&& (== netstandard2.0) (>= net5.0))
      Giraffe.ViewEngine (>= 1.3) - restriction: || (== net6.0) (&& (== netstandard2.0) (>= net5.0))
      Microsoft.IO.RecyclableMemoryStream (>= 1.3.6) - restriction: || (== net6.0) (&& (== netstandard2.0) (>= net5.0))
      Newtonsoft.Json (>= 12.0.3) - restriction: || (== net6.0) (&& (== netstandard2.0) (>= net5.0))
      Ply (>= 0.3.1) - restriction: || (== net6.0) (&& (== netstandard2.0) (>= net5.0))
      System.Text.Json (>= 5.0.2) - restriction: || (== net6.0) (&& (== netstandard2.0) (>= net5.0))
      Utf8Json (>= 1.3.7) - restriction: || (== net6.0) (&& (== netstandard2.0) (>= net5.0))
    Giraffe.ViewEngine (1.4) - restriction: || (== net6.0) (&& (== netstandard2.0) (>= net5.0))
      FSharp.Core (>= 5.0)
    GLSLangSharp (0.4.15)
      FSharp.Core (>= 5.0)
    Microsoft.AspNetCore.Authentication.JwtBearer (6.0.11)
      Microsoft.IdentityModel.Protocols.OpenIdConnect (>= 6.10) - restriction: || (== net6.0) (&& (== netstandard2.0) (>= net6.0))
    Microsoft.Bcl.AsyncInterfaces (7.0)
      System.Threading.Tasks.Extensions (>= 4.5.4) - restriction: || (&& (== net6.0) (>= net462)) (&& (== net6.0) (< netstandard2.1)) (== netstandard2.0)
    Microsoft.Bcl.HashCode (1.1.1) - restriction: || (&& (== net6.0) (< netstandard2.1)) (== netstandard2.0)
    Microsoft.CSharp (4.7)
    Microsoft.Diagnostics.NETCore.Client (0.2.351802)
      Microsoft.Bcl.AsyncInterfaces (>= 1.1)
      Microsoft.Extensions.Logging (>= 2.1.1)
    Microsoft.Diagnostics.Runtime (2.0.226801)
      Microsoft.Diagnostics.NETCore.Client (>= 0.2.221401)
      System.Buffers (>= 4.5.1)
      System.Collections.Immutable (>= 5.0)
      System.Memory (>= 4.5.4)
      System.Reflection.Metadata (>= 5.0)
      System.Runtime.CompilerServices.Unsafe (>= 4.5.3)
    Microsoft.DotNet.PlatformAbstractions (3.1.6)
    Microsoft.Extensions.DependencyInjection (7.0)
      Microsoft.Bcl.AsyncInterfaces (>= 7.0) - restriction: || (&& (== net6.0) (>= net462)) (&& (== net6.0) (< netstandard2.1)) (== netstandard2.0)
      Microsoft.Extensions.DependencyInjection.Abstractions (>= 7.0)
      System.Threading.Tasks.Extensions (>= 4.5.4) - restriction: || (&& (== net6.0) (>= net462)) (&& (== net6.0) (< netstandard2.1)) (== netstandard2.0)
    Microsoft.Extensions.DependencyInjection.Abstractions (7.0)
      Microsoft.Bcl.AsyncInterfaces (>= 7.0) - restriction: || (&& (== net6.0) (>= net462)) (&& (== net6.0) (< netstandard2.1)) (== netstandard2.0)
      System.Threading.Tasks.Extensions (>= 4.5.4) - restriction: || (&& (== net6.0) (>= net462)) (&& (== net6.0) (< netstandard2.1)) (== netstandard2.0)
    Microsoft.Extensions.DependencyModel (7.0)
      System.Buffers (>= 4.5.1) - restriction: || (&& (== net6.0) (>= net462)) (== netstandard2.0)
      System.Memory (>= 4.5.5) - restriction: || (&& (== net6.0) (>= net462)) (== netstandard2.0)
      System.Text.Encodings.Web (>= 7.0)
      System.Text.Json (>= 7.0)
    Microsoft.Extensions.Logging (7.0)
      Microsoft.Bcl.AsyncInterfaces (>= 7.0) - restriction: || (&& (== net6.0) (>= net462)) (&& (== net6.0) (< netstandard2.1)) (== netstandard2.0)
      Microsoft.Extensions.DependencyInjection (>= 7.0)
      Microsoft.Extensions.DependencyInjection.Abstractions (>= 7.0)
      Microsoft.Extensions.Logging.Abstractions (>= 7.0)
      Microsoft.Extensions.Options (>= 7.0)
      System.Diagnostics.DiagnosticSource (>= 7.0) - restriction: || (&& (== net6.0) (>= net462)) (&& (== net6.0) (< netstandard2.1)) (== netstandard2.0)
    Microsoft.Extensions.Logging.Abstractions (7.0)
      System.Buffers (>= 4.5.1) - restriction: || (&& (== net6.0) (>= net462)) (== netstandard2.0)
      System.Memory (>= 4.5.5) - restriction: || (&& (== net6.0) (>= net462)) (== netstandard2.0)
    Microsoft.Extensions.Options (7.0)
      Microsoft.Extensions.DependencyInjection.Abstractions (>= 7.0)
      Microsoft.Extensions.Primitives (>= 7.0)
      System.ComponentModel.Annotations (>= 5.0) - restriction: || (&& (== net6.0) (< netstandard2.1)) (== netstandard2.0)
    Microsoft.Extensions.Primitives (7.0)
      System.Memory (>= 4.5.5) - restriction: || (&& (== net6.0) (>= net462)) (== netstandard2.0)
      System.Runtime.CompilerServices.Unsafe (>= 6.0)
    Microsoft.IdentityModel.Abstractions (6.25) - restriction: || (== net6.0) (&& (== netstandard2.0) (>= net6.0))
    Microsoft.IdentityModel.JsonWebTokens (6.25) - restriction: || (== net6.0) (&& (== netstandard2.0) (>= net6.0))
      Microsoft.IdentityModel.Tokens (>= 6.25)
      System.Text.Encoding (>= 4.3)
      System.Text.Json (>= 4.7.2)
    Microsoft.IdentityModel.Logging (6.25) - restriction: || (== net6.0) (&& (== netstandard2.0) (>= net6.0))
      Microsoft.IdentityModel.Abstractions (>= 6.25)
    Microsoft.IdentityModel.Protocols (6.25) - restriction: || (== net6.0) (&& (== netstandard2.0) (>= net6.0))
      Microsoft.IdentityModel.Logging (>= 6.25)
      Microsoft.IdentityModel.Tokens (>= 6.25)
    Microsoft.IdentityModel.Protocols.OpenIdConnect (6.25) - restriction: || (== net6.0) (&& (== netstandard2.0) (>= net6.0))
      Microsoft.IdentityModel.Protocols (>= 6.25)
      System.IdentityModel.Tokens.Jwt (>= 6.25)
    Microsoft.IdentityModel.Tokens (6.25) - restriction: || (== net6.0) (&& (== netstandard2.0) (>= net6.0))
      Microsoft.CSharp (>= 4.5)
      Microsoft.IdentityModel.Logging (>= 6.25)
      System.Security.Cryptography.Cng (>= 4.5)
    Microsoft.IO.RecyclableMemoryStream (2.2.1) - restriction: || (== net6.0) (&& (== netstandard2.0) (>= net5.0))
    Microsoft.NETCore.Platforms (7.0)
    Microsoft.NETCore.Targets (5.0)
    NETStandard.Library (2.0.3)
      Microsoft.NETCore.Platforms (>= 1.1)
    Newtonsoft.Json (13.0.1)
    OPCViewer.Base (1.1.1)
      Aardium (>= 2.0 < 2.1)
      Aardvark.Application.Slim.GL (>= 5.2.2 < 5.3)
      Aardvark.Base (>= 5.2.2 < 5.3)
      Aardvark.Base.FSharp (>= 5.2.2 < 5.3)
      Aardvark.Geometry.Intersection (>= 5.2 < 5.3)
      Aardvark.Rendering (>= 5.2.2 < 5.3)
      Aardvark.Rendering.Text (>= 5.2.2 < 5.3)
      Aardvark.Rendering.Vulkan (>= 5.2.2 < 5.3)
      Aardvark.SceneGraph (>= 5.2.2 < 5.3)
      Aardvark.SceneGraph.IO (>= 5.2.2 < 5.3)
      Aardvark.SceneGraph.Opc (>= 5.2.2 < 5.3)
      Aardvark.UI.Primitives (>= 5.3.1 < 5.4)
      FSharp.Core (>= 5.0)
      FsPickler (>= 5.3.2 < 5.4)
      FsPickler.Json (>= 5.3.2 < 5.4)
      Uncodium.Eigensystems (>= 1.1.2 < 1.2)
    Ply (0.3.1) - restriction: || (== net6.0) (&& (== netstandard2.0) (>= net5.0))
      FSharp.Core (>= 4.6.2)
      System.Threading.Tasks.Extensions (>= 4.5.4)
    RestSharp (106.6.10)
    Saturn (0.15)
      FSharp.Control.Websockets (>= 0.2.2) - restriction: || (== net6.0) (&& (== netstandard2.0) (>= net5.0))
      FSharp.Core (>= 5.0.1) - restriction: || (== net6.0) (&& (== netstandard2.0) (>= net5.0))
      Giraffe (>= 5.0) - restriction: || (== net6.0) (&& (== netstandard2.0) (>= net5.0))
      Microsoft.AspNetCore.Authentication.JwtBearer (>= 5.0.7) - restriction: || (== net6.0) (&& (== netstandard2.0) (>= net5.0))
    SharpZipLib (1.2)
    Silk.NET.Core (2.15)
      Microsoft.Bcl.HashCode (>= 1.1.1) - restriction: || (&& (== net6.0) (< netstandard2.1)) (== netstandard2.0)
      Microsoft.CSharp (>= 4.7)
      Microsoft.DotNet.PlatformAbstractions (>= 3.1.6)
      Microsoft.Extensions.DependencyModel (>= 5.0)
      System.Memory (>= 4.5.4)
      System.Numerics.Vectors (>= 4.5)
      System.Runtime.CompilerServices.Unsafe (>= 6.0)
    Silk.NET.GLFW (2.15)
      Silk.NET.Core (>= 2.15)
      Ultz.Native.GLFW (>= 3.3.3.1)
    SixLabors.ImageSharp (2.1.3)
      System.Buffers (>= 4.5.1) - restriction: || (&& (== net6.0) (>= net472)) (&& (== net6.0) (< netcoreapp2.1)) (== netstandard2.0)
      System.Memory (>= 4.5.4) - restriction: || (&& (== net6.0) (>= net472)) (&& (== net6.0) (< netcoreapp2.1)) (== netstandard2.0)
      System.Numerics.Vectors (>= 4.5) - restriction: || (&& (== net6.0) (>= net472)) (&& (== net6.0) (< netcoreapp2.1)) (== netstandard2.0)
      System.Runtime.CompilerServices.Unsafe (>= 5.0)
      System.Text.Encoding.CodePages (>= 5.0)
    Suave (2.5.6)
      FSharp.Core (>= 4.3.4)
    System.Buffers (4.5.1)
    System.Collections (4.3)
      Microsoft.NETCore.Platforms (>= 1.1)
      Microsoft.NETCore.Targets (>= 1.1)
      System.Runtime (>= 4.3)
    System.Collections.Immutable (7.0)
      System.Memory (>= 4.5.5) - restriction: || (&& (== net6.0) (>= net462)) (== netstandard2.0)
      System.Runtime.CompilerServices.Unsafe (>= 6.0)
    System.ComponentModel.Annotations (5.0) - restriction: || (&& (== net6.0) (< netstandard2.1)) (== netstandard2.0)
    System.Diagnostics.Debug (4.3)
      Microsoft.NETCore.Platforms (>= 1.1)
      Microsoft.NETCore.Targets (>= 1.1)
      System.Runtime (>= 4.3)
    System.Diagnostics.DiagnosticSource (7.0) - restriction: || (&& (== net6.0) (>= net462)) (&& (== net6.0) (< netstandard2.1)) (== netstandard2.0)
      System.Memory (>= 4.5.5) - restriction: || (&& (== net6.0) (>= net462)) (== netstandard2.0)
      System.Runtime.CompilerServices.Unsafe (>= 6.0)
    System.Dynamic.Runtime (4.3)
      System.Collections (>= 4.3)
      System.Diagnostics.Debug (>= 4.3)
      System.Linq (>= 4.3)
      System.Linq.Expressions (>= 4.3)
      System.ObjectModel (>= 4.3)
      System.Reflection (>= 4.3)
      System.Reflection.Emit (>= 4.3)
      System.Reflection.Emit.ILGeneration (>= 4.3)
      System.Reflection.Primitives (>= 4.3)
      System.Reflection.TypeExtensions (>= 4.3)
      System.Resources.ResourceManager (>= 4.3)
      System.Runtime (>= 4.3)
      System.Runtime.Extensions (>= 4.3)
      System.Threading (>= 4.3)
    System.Formats.Asn1 (7.0) - restriction: || (== net6.0) (&& (== netstandard2.0) (>= net6.0))
    System.Globalization (4.3)
      Microsoft.NETCore.Platforms (>= 1.1)
      Microsoft.NETCore.Targets (>= 1.1)
      System.Runtime (>= 4.3)
    System.IdentityModel.Tokens.Jwt (6.25) - restriction: || (== net6.0) (&& (== netstandard2.0) (>= net6.0))
      Microsoft.IdentityModel.JsonWebTokens (>= 6.25)
      Microsoft.IdentityModel.Tokens (>= 6.25)
    System.IO (4.3)
      Microsoft.NETCore.Platforms (>= 1.1)
      Microsoft.NETCore.Targets (>= 1.1)
      System.Runtime (>= 4.3)
      System.Text.Encoding (>= 4.3)
      System.Threading.Tasks (>= 4.3)
    System.Linq (4.3)
      System.Collections (>= 4.3)
      System.Diagnostics.Debug (>= 4.3)
      System.Resources.ResourceManager (>= 4.3)
      System.Runtime (>= 4.3)
      System.Runtime.Extensions (>= 4.3)
    System.Linq.Expressions (4.3)
      System.Collections (>= 4.3)
      System.Diagnostics.Debug (>= 4.3)
      System.Globalization (>= 4.3)
      System.IO (>= 4.3)
      System.Linq (>= 4.3)
      System.ObjectModel (>= 4.3)
      System.Reflection (>= 4.3)
      System.Reflection.Emit (>= 4.3)
      System.Reflection.Emit.ILGeneration (>= 4.3)
      System.Reflection.Emit.Lightweight (>= 4.3)
      System.Reflection.Extensions (>= 4.3)
      System.Reflection.Primitives (>= 4.3)
      System.Reflection.TypeExtensions (>= 4.3)
      System.Resources.ResourceManager (>= 4.3)
      System.Runtime (>= 4.3)
      System.Runtime.Extensions (>= 4.3)
      System.Threading (>= 4.3)
    System.Memory (4.5.5)
      System.Buffers (>= 4.5.1) - restriction: || (&& (== net6.0) (>= monotouch)) (&& (== net6.0) (>= net461)) (&& (== net6.0) (< netcoreapp2.0)) (&& (== net6.0) (< netstandard1.1)) (&& (== net6.0) (< netstandard2.0)) (&& (== net6.0) (>= xamarinios)) (&& (== net6.0) (>= xamarinmac)) (&& (== net6.0) (>= xamarintvos)) (&& (== net6.0) (>= xamarinwatchos)) (== netstandard2.0)
      System.Numerics.Vectors (>= 4.4) - restriction: || (&& (== net6.0) (< netcoreapp2.0)) (== netstandard2.0)
      System.Runtime.CompilerServices.Unsafe (>= 4.5.3) - restriction: || (&& (== net6.0) (>= monotouch)) (&& (== net6.0) (>= net461)) (&& (== net6.0) (< netcoreapp2.0)) (&& (== net6.0) (< netcoreapp2.1)) (&& (== net6.0) (< netstandard1.1)) (&& (== net6.0) (< netstandard2.0)) (&& (== net6.0) (>= uap10.1)) (&& (== net6.0) (>= xamarinios)) (&& (== net6.0) (>= xamarinmac)) (&& (== net6.0) (>= xamarintvos)) (&& (== net6.0) (>= xamarinwatchos)) (== netstandard2.0)
    System.Numerics.Vectors (4.5)
    System.ObjectModel (4.3)
      System.Collections (>= 4.3)
      System.Diagnostics.Debug (>= 4.3)
      System.Resources.ResourceManager (>= 4.3)
      System.Runtime (>= 4.3)
      System.Threading (>= 4.3)
    System.Reflection (4.3)
      Microsoft.NETCore.Platforms (>= 1.1)
      Microsoft.NETCore.Targets (>= 1.1)
      System.IO (>= 4.3)
      System.Reflection.Primitives (>= 4.3)
      System.Runtime (>= 4.3)
    System.Reflection.Emit (4.7)
      System.Reflection.Emit.ILGeneration (>= 4.7) - restriction: || (&& (== net6.0) (< netcoreapp2.0) (< netstandard2.1)) (&& (== net6.0) (< netstandard1.1)) (&& (== net6.0) (< netstandard2.0)) (&& (== net6.0) (>= uap10.1)) (== netstandard2.0)
    System.Reflection.Emit.ILGeneration (4.7)
    System.Reflection.Emit.Lightweight (4.7)
      System.Reflection.Emit.ILGeneration (>= 4.7) - restriction: || (&& (== net6.0) (< netcoreapp2.0) (< netstandard2.1)) (&& (== net6.0) (< netstandard2.0)) (&& (== net6.0) (< portable-net45+wp8)) (&& (== net6.0) (>= uap10.1)) (== netstandard2.0)
    System.Reflection.Extensions (4.3)
      Microsoft.NETCore.Platforms (>= 1.1)
      Microsoft.NETCore.Targets (>= 1.1)
      System.Reflection (>= 4.3)
      System.Runtime (>= 4.3)
    System.Reflection.Metadata (7.0)
      System.Collections.Immutable (>= 7.0)
      System.Memory (>= 4.5.5) - restriction: || (&& (== net6.0) (>= net462)) (== netstandard2.0)
    System.Reflection.Primitives (4.3)
      Microsoft.NETCore.Platforms (>= 1.1)
      Microsoft.NETCore.Targets (>= 1.1)
      System.Runtime (>= 4.3)
    System.Reflection.TypeExtensions (4.7)
    System.Resources.ResourceManager (4.3)
      Microsoft.NETCore.Platforms (>= 1.1)
      Microsoft.NETCore.Targets (>= 1.1)
      System.Globalization (>= 4.3)
      System.Reflection (>= 4.3)
      System.Runtime (>= 4.3)
    System.Runtime (4.3.1)
      Microsoft.NETCore.Platforms (>= 1.1.1)
      Microsoft.NETCore.Targets (>= 1.1.3)
    System.Runtime.CompilerServices.Unsafe (6.0)
    System.Runtime.Extensions (4.3.1)
      Microsoft.NETCore.Platforms (>= 1.1.1)
      Microsoft.NETCore.Targets (>= 1.1.3)
      System.Runtime (>= 4.3.1)
    System.Security.Cryptography.Cng (5.0) - restriction: || (== net6.0) (&& (== netstandard2.0) (>= net6.0))
      System.Formats.Asn1 (>= 5.0) - restriction: || (== net6.0) (&& (== netstandard2.0) (>= netcoreapp3.0))
    System.Text.Encoding (4.3)
      Microsoft.NETCore.Platforms (>= 1.1)
      Microsoft.NETCore.Targets (>= 1.1)
      System.Runtime (>= 4.3)
    System.Text.Encoding.CodePages (7.0)
      System.Memory (>= 4.5.5) - restriction: || (&& (== net6.0) (>= net462)) (== netstandard2.0)
      System.Runtime.CompilerServices.Unsafe (>= 6.0)
    System.Text.Encodings.Web (7.0)
      System.Runtime.CompilerServices.Unsafe (>= 6.0)
    System.Text.Json (7.0)
      System.Runtime.CompilerServices.Unsafe (>= 6.0)
      System.Text.Encodings.Web (>= 7.0)
    System.Threading (4.3)
      System.Runtime (>= 4.3)
      System.Threading.Tasks (>= 4.3)
    System.Threading.Tasks (4.3)
      Microsoft.NETCore.Platforms (>= 1.1)
      Microsoft.NETCore.Targets (>= 1.1)
      System.Runtime (>= 4.3)
    System.Threading.Tasks.Extensions (4.5.4)
    System.ValueTuple (4.5) - restriction: || (== net6.0) (&& (== netstandard2.0) (>= net5.0))
    Thoth.Json.Giraffe (5.0)
      FSharp.Core (>= 5.0.1) - restriction: || (== net6.0) (&& (== netstandard2.0) (>= net5.0))
      Giraffe (>= 5.0) - restriction: || (== net6.0) (&& (== netstandard2.0) (>= net5.0))
      Thoth.Json.Net (>= 5.0) - restriction: || (== net6.0) (&& (== netstandard2.0) (>= net5.0))
    Thoth.Json.Net (9.0) - restriction: || (== net6.0) (&& (== netstandard2.0) (>= net5.0))
      Fable.Core (>= 3.1.6 < 4.0)
      FSharp.Core (>= 4.7.2)
      Newtonsoft.Json (>= 11.0.2)
    Ultz.Native.GLFW (3.3.3.1)
    Uncodium.Eigensystems (1.1.2)
      Aardvark.Base (>= 5.1 < 6.0)
    Unofficial.LibTessDotNet (2.0.2)
    Unofficial.OpenTK (3.0.21)
    Unofficial.Typography (0.1)
      System.Numerics.Vectors (>= 4.5)
    Utf8Json (1.3.7) - restriction: || (== net6.0) (&& (== netstandard2.0) (>= net5.0))
      System.Reflection.Emit (>= 4.3)
      System.Reflection.Emit.Lightweight (>= 4.3)
      System.Threading.Tasks.Extensions (>= 4.4)
      System.ValueTuple (>= 4.4)
  remote: https://vrvis.myget.org/F/aardvark_public/api/v3/index.json
    Aardvark.GeoSpatial.Opc (5.8.1)
      Aardvark.Base (>= 5.2.2 < 5.3)
      Aardvark.Base.FSharp (>= 5.2.2 < 5.3)
      Aardvark.Base.IO (>= 5.2.2 < 5.3)
      Aardvark.Geometry.Intersection (>= 5.2 < 5.3)
      Aardvark.PixImage.DevIL (>= 5.2.2 < 5.3)
      Aardvark.Rendering (>= 5.2.2 < 5.3)
      Aardvark.Rendering.GL (>= 5.2.2)
      Aardvark.SceneGraph (>= 5.2.2 < 5.3)
      Aardvark.SceneGraph.Opc (>= 5.2.2 < 5.3)
      FSharp.Core (>= 5.0)
      FSharp.Data.Adaptive (>= 1.2.8 < 1.3)

GROUP Build
RESTRICTION: == net6.0
NUGET
  remote: https://api.nuget.org/v3/index.json
    Argu (6.1.1)
      FSharp.Core (>= 4.3.2)
      System.Configuration.ConfigurationManager (>= 4.4)
    BlackFox.VsWhere (1.1)
      FSharp.Core (>= 4.2.3)
      Microsoft.Win32.Registry (>= 4.7)
    fake-cli (5.23.1)
    Fake.Api.GitHub (5.23.1)
      FSharp.Core (>= 6.0)
      Octokit (>= 0.50)
    Fake.Core.CommandLineParsing (5.23.1)
      FParsec (>= 1.1.1)
      FSharp.Core (>= 6.0)
    Fake.Core.Context (5.23.1)
      FSharp.Core (>= 6.0)
    Fake.Core.Environment (5.23.1)
      FSharp.Core (>= 6.0)
    Fake.Core.FakeVar (5.23.1)
      Fake.Core.Context (>= 5.23.1)
      FSharp.Core (>= 6.0)
    Fake.Core.Process (5.23.1)
      Fake.Core.Environment (>= 5.23.1)
      Fake.Core.FakeVar (>= 5.23.1)
      Fake.Core.String (>= 5.23.1)
      Fake.Core.Trace (>= 5.23.1)
      Fake.IO.FileSystem (>= 5.23.1)
      FSharp.Core (>= 6.0)
      System.Collections.Immutable (>= 5.0)
    Fake.Core.ReleaseNotes (5.23.1)
      Fake.Core.SemVer (>= 5.23.1)
      Fake.Core.String (>= 5.23.1)
      FSharp.Core (>= 6.0)
    Fake.Core.SemVer (5.23.1)
      FSharp.Core (>= 6.0)
    Fake.Core.String (5.23.1)
      FSharp.Core (>= 6.0)
    Fake.Core.Target (5.23.1)
      Fake.Core.CommandLineParsing (>= 5.23.1)
      Fake.Core.Context (>= 5.23.1)
      Fake.Core.Environment (>= 5.23.1)
      Fake.Core.FakeVar (>= 5.23.1)
      Fake.Core.Process (>= 5.23.1)
      Fake.Core.String (>= 5.23.1)
      Fake.Core.Trace (>= 5.23.1)
      FSharp.Control.Reactive (>= 5.0.2)
      FSharp.Core (>= 6.0)
    Fake.Core.Tasks (5.23.1)
      Fake.Core.Trace (>= 5.23.1)
      FSharp.Core (>= 6.0)
    Fake.Core.Trace (5.23.1)
      Fake.Core.Environment (>= 5.23.1)
      Fake.Core.FakeVar (>= 5.23.1)
      FSharp.Core (>= 6.0)
    Fake.Core.Xml (5.23.1)
      Fake.Core.String (>= 5.23.1)
      FSharp.Core (>= 6.0)
    Fake.DotNet.Cli (5.23.1)
      Fake.Core.Environment (>= 5.23.1)
      Fake.Core.Process (>= 5.23.1)
      Fake.Core.String (>= 5.23.1)
      Fake.Core.Trace (>= 5.23.1)
      Fake.DotNet.MSBuild (>= 5.23.1)
      Fake.DotNet.NuGet (>= 5.23.1)
      Fake.IO.FileSystem (>= 5.23.1)
      FSharp.Core (>= 6.0)
      Mono.Posix.NETStandard (>= 1.0)
      Newtonsoft.Json (>= 13.0.1)
    Fake.DotNet.MSBuild (5.23.1)
      BlackFox.VsWhere (>= 1.1)
      Fake.Core.Environment (>= 5.23.1)
      Fake.Core.Process (>= 5.23.1)
      Fake.Core.String (>= 5.23.1)
      Fake.Core.Trace (>= 5.23.1)
      Fake.IO.FileSystem (>= 5.23.1)
      FSharp.Core (>= 6.0)
      MSBuild.StructuredLogger (>= 2.1.545)
    Fake.DotNet.NuGet (5.23.1)
      Fake.Core.Environment (>= 5.23.1)
      Fake.Core.Process (>= 5.23.1)
      Fake.Core.SemVer (>= 5.23.1)
      Fake.Core.String (>= 5.23.1)
      Fake.Core.Tasks (>= 5.23.1)
      Fake.Core.Trace (>= 5.23.1)
      Fake.Core.Xml (>= 5.23.1)
      Fake.IO.FileSystem (>= 5.23.1)
      Fake.Net.Http (>= 5.23.1)
      FSharp.Core (>= 6.0)
      Newtonsoft.Json (>= 13.0.1)
      NuGet.Protocol (>= 5.11)
    Fake.IO.FileSystem (5.23.1)
      Fake.Core.String (>= 5.23.1)
      FSharp.Core (>= 6.0)
    Fake.Net.Http (5.23.1)
      Fake.Core.Trace (>= 5.23.1)
      FSharp.Core (>= 6.0)
    Fake.Tools.Git (5.23.1)
      Fake.Core.Environment (>= 5.23.1)
      Fake.Core.Process (>= 5.23.1)
      Fake.Core.SemVer (>= 5.23.1)
      Fake.Core.String (>= 5.23.1)
      Fake.Core.Trace (>= 5.23.1)
      Fake.IO.FileSystem (>= 5.23.1)
      FSharp.Core (>= 6.0)
    Farmer (1.7.11)
      FSharp.Core (>= 5.0)
      System.Text.Json (>= 5.0)
    FParsec (1.1.1)
      FSharp.Core (>= 4.3.4)
    FSharp.Control.Reactive (5.0.5)
      FSharp.Core (>= 4.7.2)
      System.Reactive (>= 5.0 < 6.0)
    FSharp.Core (7.0)
    Microsoft.Build (17.3.2)
      Microsoft.Build.Framework (>= 17.3.2)
      Microsoft.NET.StringTools (>= 17.3.2)
      System.Collections.Immutable (>= 6.0)
      System.Configuration.ConfigurationManager (>= 6.0)
      System.Reflection.Metadata (>= 6.0)
      System.Reflection.MetadataLoadContext (>= 6.0)
      System.Security.Principal.Windows (>= 5.0)
      System.Text.Encoding.CodePages (>= 6.0)
      System.Text.Json (>= 6.0)
      System.Threading.Tasks.Dataflow (>= 6.0)
    Microsoft.Build.Framework (17.3.2)
      System.Security.Permissions (>= 6.0)
    Microsoft.Build.Tasks.Core (17.3.2)
      Microsoft.Build.Framework (>= 17.3.2)
      Microsoft.Build.Utilities.Core (>= 17.3.2)
      Microsoft.NET.StringTools (>= 17.3.2)
      System.CodeDom (>= 6.0)
      System.Collections.Immutable (>= 6.0)
      System.Reflection.Metadata (>= 6.0)
      System.Resources.Extensions (>= 6.0)
      System.Security.Cryptography.Pkcs (>= 6.0.1)
      System.Security.Cryptography.Xml (>= 6.0)
      System.Security.Permissions (>= 6.0)
      System.Threading.Tasks.Dataflow (>= 6.0)
    Microsoft.Build.Utilities.Core (17.3.2)
      Microsoft.Build.Framework (>= 17.3.2)
      Microsoft.NET.StringTools (>= 17.3.2)
      System.Collections.Immutable (>= 6.0)
      System.Configuration.ConfigurationManager (>= 6.0)
    Microsoft.NET.StringTools (17.4)
      System.Memory (>= 4.5.5)
      System.Runtime.CompilerServices.Unsafe (>= 6.0)
    Microsoft.Win32.Registry (5.0)
      System.Security.AccessControl (>= 5.0)
      System.Security.Principal.Windows (>= 5.0)
    Microsoft.Win32.SystemEvents (7.0)
    Mono.Cecil (0.11.4)
    Mono.Posix.NETStandard (1.0)
    MSBuild.StructuredLogger (2.1.669)
      Microsoft.Build (>= 16.10)
      Microsoft.Build.Framework (>= 16.10)
      Microsoft.Build.Tasks.Core (>= 16.10)
      Microsoft.Build.Utilities.Core (>= 16.10)
    Newtonsoft.Json (13.0.1)
    NuGet.Common (6.4)
      NuGet.Frameworks (>= 6.4)
    NuGet.Configuration (6.4)
      NuGet.Common (>= 6.4)
      System.Security.Cryptography.ProtectedData (>= 4.4)
    NuGet.Frameworks (6.4)
    NuGet.Packaging (6.4)
      Newtonsoft.Json (>= 13.0.1)
      NuGet.Configuration (>= 6.4)
      NuGet.Versioning (>= 6.4)
      System.Security.Cryptography.Cng (>= 5.0)
      System.Security.Cryptography.Pkcs (>= 5.0)
    NuGet.Protocol (6.4)
      NuGet.Packaging (>= 6.4)
    NuGet.Versioning (6.4)
    Octokit (4.0.1)
    System.CodeDom (7.0)
    System.Collections.Immutable (7.0)
      System.Runtime.CompilerServices.Unsafe (>= 6.0)
    System.Configuration.ConfigurationManager (7.0)
      System.Security.Cryptography.ProtectedData (>= 7.0)
      System.Security.Permissions (>= 7.0)
    System.Drawing.Common (7.0)
      Microsoft.Win32.SystemEvents (>= 7.0)
    System.Formats.Asn1 (7.0)
    System.Memory (4.5.5)
    System.Reactive (5.0)
    System.Reflection.Metadata (7.0)
      System.Collections.Immutable (>= 7.0)
    System.Reflection.MetadataLoadContext (7.0)
      System.Collections.Immutable (>= 7.0)
      System.Reflection.Metadata (>= 7.0)
    System.Resources.Extensions (7.0)
    System.Runtime.CompilerServices.Unsafe (6.0)
    System.Security.AccessControl (6.0)
    System.Security.Cryptography.Cng (5.0)
      System.Formats.Asn1 (>= 5.0)
    System.Security.Cryptography.Pkcs (7.0)
      System.Formats.Asn1 (>= 7.0)
    System.Security.Cryptography.ProtectedData (7.0)
    System.Security.Cryptography.Xml (7.0)
      System.Security.Cryptography.Pkcs (>= 7.0)
    System.Security.Permissions (7.0)
      System.Windows.Extensions (>= 7.0)
    System.Security.Principal.Windows (5.0)
    System.Text.Encoding.CodePages (7.0)
      System.Runtime.CompilerServices.Unsafe (>= 6.0)
    System.Text.Encodings.Web (7.0)
      System.Runtime.CompilerServices.Unsafe (>= 6.0)
    System.Text.Json (7.0)
      System.Runtime.CompilerServices.Unsafe (>= 6.0)
      System.Text.Encodings.Web (>= 7.0)
    System.Threading.Tasks.Dataflow (7.0)
    System.Windows.Extensions (7.0)
      System.Drawing.Common (>= 7.0)

GROUP Test
RESTRICTION: || (== net6.0) (== net6.0-windows7.0)
NUGET
  remote: https://api.nuget.org/v3/index.json
    BenchmarkDotNet (0.13.2)
      BenchmarkDotNet.Annotations (>= 0.13.2)
      CommandLineParser (>= 2.4.3)
      Iced (>= 1.17)
      Microsoft.CodeAnalysis.CSharp (>= 3.0)
      Microsoft.Diagnostics.Runtime (>= 2.2.332302)
      Microsoft.Diagnostics.Tracing.TraceEvent (>= 3.0.2)
      Microsoft.DotNet.PlatformAbstractions (>= 3.1.6)
      Perfolizer (>= 0.2.1)
      System.Management (>= 6.0)
      System.Reflection.Emit (>= 4.7)
      System.Reflection.Emit.Lightweight (>= 4.7)
      System.Threading.Tasks.Extensions (>= 4.5.4)
    BenchmarkDotNet.Annotations (0.13.2)
    CommandLineParser (2.9.1)
    Expecto (9.0.4)
      FSharp.Core (>= 4.6)
      Mono.Cecil (>= 0.11.3)
    Expecto.FsCheck (9.0.4)
      Expecto (>= 9.0.4)
      FsCheck (>= 2.14.3)
    FsCheck (2.16.5)
      FSharp.Core (>= 4.2.3)
    FsCheck.NUnit (2.16.5)
      FsCheck (2.16.5)
      NUnit (>= 3.13.1 < 4.0)
    FSharp.Core (5.0.2)
    FsUnit (5.0.5)
      FSharp.Core (>= 5.0.2)
      NUnit (>= 3.13.3 < 3.14)
    Iced (1.17)
    Microsoft.Bcl.AsyncInterfaces (7.0)
    Microsoft.CodeAnalysis.Analyzers (3.3.3)
    Microsoft.CodeAnalysis.Common (4.4)
      Microsoft.CodeAnalysis.Analyzers (>= 3.3.3)
      System.Collections.Immutable (>= 6.0)
      System.Memory (>= 4.5.5)
      System.Reflection.Metadata (>= 5.0)
      System.Runtime.CompilerServices.Unsafe (>= 6.0)
      System.Text.Encoding.CodePages (>= 6.0)
      System.Threading.Tasks.Extensions (>= 4.5.4)
    Microsoft.CodeAnalysis.CSharp (4.4)
      Microsoft.CodeAnalysis.Common (4.4)
    Microsoft.CodeCoverage (17.4)
    Microsoft.Diagnostics.NETCore.Client (0.2.351802)
      Microsoft.Bcl.AsyncInterfaces (>= 1.1)
      Microsoft.Extensions.Logging (>= 2.1.1)
    Microsoft.Diagnostics.Runtime (2.2.343001)
      Microsoft.Diagnostics.NETCore.Client (>= 0.2.251802)
      System.Collections.Immutable (>= 5.0)
      System.Runtime.CompilerServices.Unsafe (>= 5.0)
    Microsoft.Diagnostics.Tracing.TraceEvent (3.0.6)
      System.Runtime.CompilerServices.Unsafe (>= 5.0)
    Microsoft.DotNet.PlatformAbstractions (3.1.6)
    Microsoft.Extensions.DependencyInjection (7.0)
      Microsoft.Extensions.DependencyInjection.Abstractions (>= 7.0)
    Microsoft.Extensions.DependencyInjection.Abstractions (7.0)
    Microsoft.Extensions.Logging (7.0)
      Microsoft.Extensions.DependencyInjection (>= 7.0)
      Microsoft.Extensions.DependencyInjection.Abstractions (>= 7.0)
      Microsoft.Extensions.Logging.Abstractions (>= 7.0)
      Microsoft.Extensions.Options (>= 7.0)
    Microsoft.Extensions.Logging.Abstractions (7.0)
    Microsoft.Extensions.Options (7.0)
      Microsoft.Extensions.DependencyInjection.Abstractions (>= 7.0)
      Microsoft.Extensions.Primitives (>= 7.0)
    Microsoft.Extensions.Primitives (7.0)
      System.Runtime.CompilerServices.Unsafe (>= 6.0)
    Microsoft.NET.Test.Sdk (17.2)
      Microsoft.CodeCoverage (>= 17.2)
      Microsoft.TestPlatform.TestHost (>= 17.2)
    Microsoft.NETCore.Platforms (7.0)
    Microsoft.TestPlatform.ObjectModel (17.4)
      NuGet.Frameworks (>= 5.11)
      System.Reflection.Metadata (>= 1.6)
    Microsoft.TestPlatform.TestHost (17.4)
      Microsoft.TestPlatform.ObjectModel (>= 17.4)
      Newtonsoft.Json (>= 13.0.1)
    Mono.Cecil (0.11.4)
    NETStandard.Library (2.0.3)
      Microsoft.NETCore.Platforms (>= 1.1)
    Newtonsoft.Json (13.0.1)
    NuGet.Frameworks (6.4)
    NUnit (3.13.3)
      NETStandard.Library (>= 2.0)
    NUnit3TestAdapter (4.2.1)
    Perfolizer (0.2.1)
      System.Memory (>= 4.5.3)
    System.CodeDom (7.0)
    System.Collections.Immutable (7.0)
      System.Runtime.CompilerServices.Unsafe (>= 6.0)
    System.Management (7.0)
      System.CodeDom (>= 7.0)
    System.Memory (4.5.5)
    System.Reflection.Emit (4.7)
    System.Reflection.Emit.Lightweight (4.7)
    System.Reflection.Metadata (7.0)
      System.Collections.Immutable (>= 7.0)
    System.Runtime.CompilerServices.Unsafe (6.0)
    System.Text.Encoding.CodePages (7.0)
      System.Runtime.CompilerServices.Unsafe (>= 6.0)
    System.Threading.Tasks.Extensions (4.5.4)
    YoloDev.Expecto.TestSdk (0.12.20)
      Expecto (>= 9.0 < 10.0)
      FSharp.Core (>= 4.6)
      System.Collections.Immutable (>= 1.7.1)
