STORAGE: NONE
RESTRICTION: || (== net6.0) (== netstandard2.0)
NUGET
  remote: https://api.nuget.org/v3/index.json
    Aardium (2.1.1)
      Aardvark.Base (>= 5.3 < 5.4)
      FSharp.Core (>= 8.0)
      FSys (>= 0.0.1 < 0.1)
    Aardvark.Application (5.5.2)
      Aardvark.Base.Essentials (>= 5.3.5 < 5.4)
      Aardvark.Base.Incremental (>= 5.3.5 < 5.4)
      Aardvark.Rendering (5.5.2)
      FShade.Core (>= 5.6 < 5.7)
      FShade.GLSL (>= 5.6)
      FSharp.Core (>= 8.0)
    Aardvark.Application.Slim (5.5.2)
      Aardvark.Application (5.5.2)
      Aardvark.Base.Essentials (>= 5.3.5 < 5.4)
      Aardvark.Base.Incremental (>= 5.3.5 < 5.4)
      Aardvark.Rendering (5.5.2)
      FShade (>= 5.6 < 5.7)
      FSharp.Core (>= 8.0)
      Silk.NET.GLFW (2.15)
      Unofficial.OpenTK (>= 3.0.21 < 3.1)
    Aardvark.Application.Slim.GL (5.5.2)
      Aardvark.Application (5.5.2)
      Aardvark.Application.Slim (5.5.2)
      Aardvark.Base.Essentials (>= 5.3.5 < 5.4)
      Aardvark.Base.Incremental (>= 5.3.5 < 5.4)
      Aardvark.Base.Tensors (>= 5.3.5 < 5.4)
      Aardvark.Rendering (5.5.2)
      Aardvark.Rendering.GL (5.5.2)
      FShade (>= 5.6 < 5.7)
      FSharp.Core (>= 8.0)
      Silk.NET.Core (2.15)
      Silk.NET.GLFW (2.15)
      Unofficial.OpenTK (>= 3.0.21 < 3.1)
    Aardvark.Application.Slim.Vulkan (5.5.2)
      Aardvark.Application (5.5.2)
      Aardvark.Application.Slim (5.5.2)
      Aardvark.Base.Essentials (>= 5.3.5 < 5.4)
      Aardvark.Base.Incremental (>= 5.3.5 < 5.4)
      Aardvark.Rendering (5.5.2)
      Aardvark.Rendering.Vulkan (5.5.2)
      FShade (>= 5.6 < 5.7)
      FSharp.Core (>= 8.0)
      GLSLangSharp (>= 0.4.14 < 0.5)
      Silk.NET.GLFW (2.15)
      Unofficial.OpenTK (>= 3.0.21 < 3.1)
    Aardvark.Assembler (0.1)
      Aardvark.Base.FSharp (>= 5.3)
      FSharp.Core (>= 8.0)
      FSharp.Data.Adaptive (>= 1.2.13 < 1.3)
    Aardvark.Base (5.3.7)
      Aardvark.Base.Telemetry (5.3.7)
      SingleFileExtractor.Core (>= 2.2.1 < 2.3)
      System.Collections.Immutable (>= 8.0)
      System.Reflection.Metadata (>= 8.0)
      System.Text.Json (>= 8.0.5)
    Aardvark.Base.Essentials (5.3.7)
      Aardvark.Base (5.3.7)
      System.Collections.Immutable (>= 8.0)
    Aardvark.Base.Fonts (5.3.7)
      Aardvark.Base.FSharp (5.3.7)
      FSharp.Core (>= 8.0)
      FuzzySharp (>= 2.0.2 < 2.1)
      Unofficial.LibTessDotNet (>= 2.0.2 < 2.1)
      Unofficial.Typography (>= 0.1 < 0.2)
    Aardvark.Base.FSharp (5.3.7)
      Aardvark.Base (5.3.7)
      Aardvark.Base.TypeProviders (>= 4.5.15 < 4.6)
      FSharp.Core (>= 8.0)
      FSharp.Data.Adaptive (>= 1.2 < 1.3)
      FsPickler (>= 5.3.2 < 5.4)
      System.Dynamic.Runtime (>= 4.3 < 4.4)
    Aardvark.Base.Incremental (5.3.7)
      Aardvark.Base (5.3.7)
      Aardvark.Base.FSharp (5.3.7)
      Aardvark.Base.TypeProviders (>= 4.5.15 < 4.6)
      FSharp.Core (>= 8.0)
      FSharp.Data.Adaptive (>= 1.2 < 1.3)
      FsPickler (>= 5.3.2 < 5.4)
    Aardvark.Base.IO (5.3.7)
      Aardvark.Base (5.3.7)
      Aardvark.Base.Tensors (5.3.7)
      System.Dynamic.Runtime (>= 4.3 < 4.4)
    Aardvark.Base.Telemetry (5.3.7)
    Aardvark.Base.Tensors (5.3.7)
      Aardvark.Base (5.3.7)
      Aardvark.Base.FSharp (5.3.7)
      FSharp.Core (>= 8.0)
    Aardvark.Base.TypeProviders (4.5.15)
      FSharp.Core (>= 4.2.3)
    Aardvark.Build (1.0.25)
    Aardvark.Data.GLTF (1.0.1)
      Aardvark.Base.Tensors (>= 5.3.6 < 5.4)
      Aardvark.Rendering.Common (>= 5.5)
      FSharp.Core (>= 8.0)
      glTF2Loader (>= 1.1.4-alpha < 1.2.0-alpha)
    Aardvark.Data.Opc (0.11)
      Aardvark.Base.Tensors (>= 5.3.4 < 5.4)
      Aardvark.Rendering.Common (>= 5.5)
      FSharp.Core (>= 8.0)
      SharpZipLib (>= 1.4.1 < 1.5)
    Aardvark.Data.Wavefront (5.3.10)
      Aardvark.Geometry.PolyMesh (>= 5.5 < 5.6)
    Aardvark.FontProvider (0.1)
      Aardvark.Base.Fonts (>= 5.3)
      FSharp.Core (>= 8.0.100)
    Aardvark.Geometry (5.3.7)
      Aardvark.Base (5.3.7)
      Aardvark.Base.FSharp (5.3.7)
      Aardvark.Base.Tensors (5.3.7)
      Aardvark.Base.TypeProviders (>= 4.5.15 < 4.6)
      FSharp.Core (>= 8.0)
      FSharp.Data.Adaptive (>= 1.2 < 1.3)
      FsPickler (>= 5.3.2 < 5.4)
      Unofficial.LibTessDotNet (>= 2.0.2 < 2.1)
    Aardvark.Geometry.Clustering (5.5.2)
      Aardvark.Base (>= 5.3 < 5.4)
      Aardvark.Geometry.PointTree (5.5.2)
      FSharp.Core (>= 8.0)
    Aardvark.Geometry.Intersection (5.5.2)
      Aardvark.Base.IO (>= 5.3 < 5.4)
    Aardvark.Geometry.PointTree (5.5.2)
      Aardvark.Base.IO (>= 5.3 < 5.4)
    Aardvark.Geometry.PolyMesh (5.5.2)
      Aardvark.Base (>= 5.3 < 5.4)
      Aardvark.Geometry.Clustering (5.5.2)
      Aardvark.Geometry.Intersection (5.5.2)
      Aardvark.Rendering.Common (>= 5.5)
    Aardvark.GeoSpatial.Opc (5.11.2)
      Aardvark.Data.Opc (>= 0.11 < 0.12)
      Aardvark.PixImage.DevIL (>= 5.2.33 < 5.3)
      Aardvark.PixImage.Pfim (>= 0.9.3 < 0.10)
      Aardvark.Rendering (>= 5.5 < 5.6)
      Aardvark.Rendering.GL (>= 5.5 < 5.6)
      Aardvark.SceneGraph (>= 5.5 < 5.6)
      FSharp.Core (>= 8.0)
    Aardvark.GPGPU (5.5.2)
      Aardvark.Base.Incremental (>= 5.3.5 < 5.4)
      Aardvark.Rendering (5.5.2)
      FShade.Core (>= 5.6 < 5.7)
      FShade.GLSL (>= 5.6)
      FSharp.Core (>= 8.0)
    Aardvark.PixImage.DevIL (5.2.33)
      Aardvark.Base.Tensors (>= 5.3 < 5.4)
      DevILSharp
    Aardvark.PixImage.Pfim (0.9.3)
      Aardvark.Base.Tensors (>= 5.3 < 5.4)
      FSharp.Core (>= 8.0)
      Pfim (>= 0.11.2 < 0.12)
    Aardvark.Rendering (5.5.2)
      Aardvark.Base.Essentials (>= 5.3.5 < 5.4)
      Aardvark.Base.Incremental (>= 5.3.5 < 5.4)
      Aardvark.Base.Tensors (>= 5.3.5 < 5.4)
      Aardvark.Rendering.Common (5.5.2)
      FShade.Core (>= 5.6 < 5.7)
      FShade.GLSL (>= 5.6)
      FSharp.Core (>= 8.0)
      FSharp.Data.Adaptive (>= 1.2.13 < 1.3)
    Aardvark.Rendering.Common (5.5.2)
      Aardvark.Base (>= 5.3.5)
      FSharp.Core (>= 8.0)
      System.Reflection.Emit.Lightweight (>= 4.7)
    Aardvark.Rendering.GL (5.5.2)
      Aardvark.Assembler (>= 0.1 < 0.2)
      Aardvark.Base.Essentials (>= 5.3.5 < 5.4)
      Aardvark.Base.Incremental (>= 5.3.5 < 5.4)
      Aardvark.Base.Tensors (>= 5.3.5 < 5.4)
      Aardvark.Geometry (>= 5.3.5 < 5.4)
      Aardvark.Rendering (5.5.2)
      FShade (>= 5.6 < 5.7)
      FSharp.Core (>= 8.0)
      Unofficial.OpenTK (>= 3.0.21 < 3.1)
    Aardvark.Rendering.Text (5.5.2)
      Aardvark.FontProvider (>= 0.1 < 0.2)
      Aardvark.Rendering (5.5.2)
      Aardvark.SceneGraph (5.5.2)
      CommonMark.NET (>= 0.15.1 < 0.16)
      FSharp.Core (>= 8.0)
    Aardvark.Rendering.Vulkan (5.5.2)
      Aardvark.Base.FSharp (>= 5.3.5 < 5.4)
      Aardvark.Base.Incremental (>= 5.3.5 < 5.4)
      Aardvark.Base.Tensors (>= 5.3.5 < 5.4)
      Aardvark.Rendering (5.5.2)
      FShade (>= 5.6 < 5.7)
      FSharp.Core (>= 8.0)
      GLSLangSharp (>= 0.4.14 < 0.5)
    Aardvark.SceneGraph (5.5.2)
      Aardvark.Base.Incremental (>= 5.3.5 < 5.4)
      Aardvark.Rendering (5.5.2)
      FShade.Core (>= 5.6 < 5.7)
      FShade.GLSL (>= 5.6)
      FSharp.Core (>= 8.0)
    Aardvark.SceneGraph.Assimp (5.5.2)
      Aardvark.Base.Incremental (>= 5.3.5 < 5.4)
      Aardvark.Base.Tensors (>= 5.3.5 < 5.4)
      Aardvark.Rendering (5.5.2)
      Aardvark.SceneGraph (5.5.2)
      AssimpNet (>= 5.0.0-beta1 < 5.1.0-beta)
      FShade.Core (>= 5.6 < 5.7)
      FShade.GLSL (>= 5.6)
      FSharp.Core (>= 8.0)
    Aardvark.Service (5.5.2)
      Aardvark.Application (>= 5.5)
      Aardvark.GPGPU (>= 5.5 < 5.6)
      Aardvark.Rendering.GL (>= 5.5)
      Aardvark.Rendering.Vulkan (>= 5.5 < 5.6)
      FsPickler.Json (>= 5.3.2 < 5.4)
      Suave (>= 2.5.6 < 2.6)
    Aardvark.Service.Giraffe (5.5.2)
      Aardvark.Service (5.5.2)
      Aardvark.UI (5.5.2)
      Giraffe (>= 7.0 < 7.1)
    Aardvark.UI (5.5.2)
      Aardvark.SceneGraph (>= 5.5 < 5.6)
      Aardvark.Service (5.5.2)
    Aardvark.UI.Primitives (5.5.2)
      Aardvark.Service (5.5.2)
      Aardvark.UI (5.5.2)
      Adaptify.Core (>= 1.3 < 2.0)
      Aether (>= 8.3.1 < 8.4)
    Adaptify.Core (1.3.3)
      FSharp.Data.Adaptive (>= 1.2.14 < 1.3)
    Adaptify.MSBuild (1.3.3)
      Adaptify.Core (1.3.3)
    Aether (8.3.1)
      FSharp.Core (>= 4.3.4)
    AssimpNet (5.0.0-beta1)
      NETStandard.Library (>= 1.6.1)
    Chiron (6.3.1)
      Aether (>= 8.2)
      FParsec (>= 1.0.3)
      FSharp.Core (>= 4.3.4)
    CommandLineParser.FSharp (2.9.1)
      FSharp.Core (>= 4.5.1)
    CommonMark.NET (0.15.1)
    Cyjs.NET (0.0.4)
      DynamicObj (>= 0.0.3)
      FSharp.Core (>= 5.0)
      Newtonsoft.Json (>= 12.0.3)
    DevILSharp (0.2.20)
      FSharp.Core (>= 5.0)
    DynamicObj (3.1)
      Fable.Core (>= 4.3)
      FSharp.Core (>= 6.0.7)
      Newtonsoft.Json (>= 13.0.1)
    Fable.Core (4.3)
    FParsec (1.1.1)
      FSharp.Core (>= 4.3.4)
    FShade (5.6)
      FShade.Core (5.6)
      FShade.GLSL (5.6)
      FShade.Imperative (5.6)
      FShade.SpirV (5.6)
    FShade.Core (5.6)
      Aardvark.Base (>= 5.3 < 5.4)
      Aardvark.Base.FSharp (>= 5.3 < 5.4)
      FShade.Imperative (5.6)
      FSharp.Core (>= 8.0)
    FShade.GLSL (5.6)
      Aardvark.Base (>= 5.3 < 5.4)
      Aardvark.Base.FSharp (>= 5.3 < 5.4)
      FShade.Core (5.6)
      FShade.Imperative (5.6)
      FSharp.Core (>= 8.0)
    FShade.Imperative (5.6)
      Aardvark.Base (>= 5.3 < 5.4)
      Aardvark.Base.FSharp (>= 5.3 < 5.4)
      FSharp.Core (>= 8.0)
      FsPickler (>= 5.3.2 < 5.4)
    FShade.SpirV (5.6)
      Aardvark.Base (>= 5.3 < 5.4)
      Aardvark.Base.FSharp (>= 5.3 < 5.4)
      FShade.Core (5.6)
      FShade.Imperative (5.6)
      FSharp.Core (>= 8.0)
    FSharp.Control.Websockets (0.3) - restriction: || (== net6.0) (&& (== netstandard2.0) (>= net6.0))
      FSharp.Core (>= 6.0)
      Microsoft.IO.RecyclableMemoryStream (>= 3.0)
    FSharp.Core (8.0.100)
    FSharp.Data (3.1.1)
      FSharp.Core (>= 4.3.4)
    FSharp.Data.Adaptive (1.2.16)
      FSharp.Core (>= 4.7)
      System.Reflection.Emit.Lightweight (>= 4.6)
    FSharp.SystemTextJson (1.3.13) - restriction: || (== net6.0) (&& (== netstandard2.0) (>= net6.0))
      FSharp.Core (>= 4.7)
      System.Text.Json (>= 6.0)
    FsPickler (5.3.2)
      FSharp.Core (>= 4.3.2)
      System.Reflection.Emit.Lightweight (>= 4.3)
    FsPickler.Json (5.3.2)
      FSharp.Core (>= 4.3.2)
      FsPickler (>= 5.3.2)
      Newtonsoft.Json (>= 10.0.1)
    FSys (0.0.1)
      FSharp.Core (>= 4.7)
    FuzzySharp (2.0.2)
    Giraffe (7.0.2)
      FSharp.Core (>= 6.0) - restriction: || (== net6.0) (&& (== netstandard2.0) (>= net6.0))
      FSharp.SystemTextJson (>= 1.3.13) - restriction: || (== net6.0) (&& (== netstandard2.0) (>= net6.0))
      Giraffe.ViewEngine (>= 1.4) - restriction: || (== net6.0) (&& (== netstandard2.0) (>= net6.0))
      Microsoft.IO.RecyclableMemoryStream (>= 3.0.1) - restriction: || (== net6.0) (&& (== netstandard2.0) (>= net6.0))
      System.Text.Json (>= 8.0.5) - restriction: || (== net6.0) (&& (== netstandard2.0) (>= net6.0))
    Giraffe.ViewEngine (1.4) - restriction: || (== net6.0) (&& (== netstandard2.0) (>= net6.0))
      FSharp.Core (>= 5.0)
    GLSLangSharp (0.4.15)
      FSharp.Core (>= 5.0)
    glTF2Loader (1.1.4-alpha)
      NETStandard.Library (>= 1.6.1)
      Newtonsoft.Json (>= 10.0.3)
    Microsoft.AspNetCore.Authentication.JwtBearer (6.0.35)
      Microsoft.IdentityModel.Protocols.OpenIdConnect (>= 6.35) - restriction: || (== net6.0) (&& (== netstandard2.0) (>= net6.0))
    Microsoft.Bcl.AsyncInterfaces (8.0)
      System.Threading.Tasks.Extensions (>= 4.5.4) - restriction: || (&& (== net6.0) (>= net462)) (&& (== net6.0) (< netstandard2.1)) (== netstandard2.0)
    Microsoft.Bcl.HashCode (1.1.1) - restriction: || (&& (== net6.0) (< netstandard2.1)) (== netstandard2.0)
    Microsoft.Bcl.TimeProvider (8.0.1) - restriction: || (== net6.0) (&& (== netstandard2.0) (>= net6.0))
      Microsoft.Bcl.AsyncInterfaces (>= 8.0)
    Microsoft.CSharp (4.7)
    Microsoft.Diagnostics.NETCore.Client (0.2.547301)
      Microsoft.Bcl.AsyncInterfaces (>= 6.0) - restriction: == netstandard2.0
      Microsoft.Extensions.Logging.Abstractions (>= 6.0.4)
      System.Buffers (>= 4.5.1) - restriction: == netstandard2.0
    Microsoft.Diagnostics.Runtime (2.0.226801)
      Microsoft.Diagnostics.NETCore.Client (>= 0.2.221401)
      System.Buffers (>= 4.5.1)
      System.Collections.Immutable (>= 5.0)
      System.Memory (>= 4.5.4)
      System.Reflection.Metadata (>= 5.0)
      System.Runtime.CompilerServices.Unsafe (>= 4.5.3)
    Microsoft.DotNet.PlatformAbstractions (3.1.6)
    Microsoft.Extensions.DependencyInjection.Abstractions (8.0.2)
      Microsoft.Bcl.AsyncInterfaces (>= 8.0) - restriction: || (&& (== net6.0) (>= net462)) (&& (== net6.0) (< netstandard2.1)) (== netstandard2.0)
      System.Threading.Tasks.Extensions (>= 4.5.4) - restriction: || (&& (== net6.0) (>= net462)) (&& (== net6.0) (< netstandard2.1)) (== netstandard2.0)
    Microsoft.Extensions.DependencyModel (8.0.2)
      System.Buffers (>= 4.5.1) - restriction: || (&& (== net6.0) (>= net462)) (== netstandard2.0)
      System.Memory (>= 4.5.5) - restriction: || (&& (== net6.0) (>= net462)) (== netstandard2.0)
      System.Text.Encodings.Web (>= 8.0)
      System.Text.Json (>= 8.0.5)
    Microsoft.Extensions.Logging.Abstractions (8.0.2)
      Microsoft.Extensions.DependencyInjection.Abstractions (>= 8.0.2)
      System.Buffers (>= 4.5.1) - restriction: || (&& (== net6.0) (>= net462)) (== netstandard2.0)
      System.Diagnostics.DiagnosticSource (>= 8.0.1)
      System.Memory (>= 4.5.5) - restriction: || (&& (== net6.0) (>= net462)) (== netstandard2.0)
    Microsoft.IdentityModel.Abstractions (8.1.2) - restriction: || (== net6.0) (&& (== netstandard2.0) (>= net6.0))
    Microsoft.IdentityModel.JsonWebTokens (8.1.2) - restriction: || (== net6.0) (&& (== netstandard2.0) (>= net6.0))
      Microsoft.Bcl.TimeProvider (>= 8.0.1)
      Microsoft.IdentityModel.Tokens (>= 8.1.2)
    Microsoft.IdentityModel.Logging (8.1.2) - restriction: || (== net6.0) (&& (== netstandard2.0) (>= net6.0))
      Microsoft.IdentityModel.Abstractions (>= 8.1.2)
    Microsoft.IdentityModel.Protocols (8.1.2) - restriction: || (== net6.0) (&& (== netstandard2.0) (>= net6.0))
      Microsoft.IdentityModel.Tokens (>= 8.1.2)
    Microsoft.IdentityModel.Protocols.OpenIdConnect (8.1.2) - restriction: || (== net6.0) (&& (== netstandard2.0) (>= net6.0))
      Microsoft.IdentityModel.Protocols (>= 8.1.2)
      System.IdentityModel.Tokens.Jwt (>= 8.1.2)
    Microsoft.IdentityModel.Tokens (8.1.2) - restriction: || (== net6.0) (&& (== netstandard2.0) (>= net6.0))
      Microsoft.Bcl.TimeProvider (>= 8.0.1)
      Microsoft.IdentityModel.Logging (>= 8.1.2)
    Microsoft.IO.RecyclableMemoryStream (3.0.1) - restriction: || (== net6.0) (&& (== netstandard2.0) (>= net6.0))
    Microsoft.NETCore.Platforms (7.0.4)
    Microsoft.NETCore.Targets (5.0)
    NETStandard.Library (2.0.3)
      Microsoft.NETCore.Platforms (>= 1.1)
    Newtonsoft.Json (13.0.3)
    OPCViewer.Base (1.9.2)
      Aardvark.Data.Opc (>= 0.11 < 0.12)
      Aardvark.Geometry.Intersection (>= 5.5 < 5.6)
      Aardvark.Rendering.Text (>= 5.5 < 5.6)
      Aardvark.UI.Primitives (>= 5.5 < 5.6)
      FSharp.Core (>= 8.0)
      Uncodium.Eigensystems (>= 1.1.2 < 1.2)
    Pfim (0.11.3)
    PRo3D.SPICE (1.0.3)
      Aardvark.Base (>= 5.3 < 5.4)
      FSharp.Core (>= 8.0.1)
    Saturn (0.17)
      FSharp.Control.Websockets (>= 0.2.2) - restriction: || (== net6.0) (&& (== netstandard2.0) (>= net6.0))
      Giraffe (>= 6.4) - restriction: || (== net6.0) (&& (== netstandard2.0) (>= net6.0))
      Microsoft.AspNetCore.Authentication.JwtBearer (>= 6.0.3) - restriction: || (== net6.0) (&& (== netstandard2.0) (>= net6.0))
    SharpZipLib (1.4.2)
      System.Memory (>= 4.5.4) - restriction: || (&& (== net6.0) (< netstandard2.1)) (== netstandard2.0)
      System.Threading.Tasks.Extensions (>= 4.5.2) - restriction: || (&& (== net6.0) (< netstandard2.1)) (== netstandard2.0)
    Silk.NET.Core (2.15)
      Microsoft.Bcl.HashCode (>= 1.1.1) - restriction: || (&& (== net6.0) (< netstandard2.1)) (== netstandard2.0)
      Microsoft.CSharp (>= 4.7)
      Microsoft.DotNet.PlatformAbstractions (>= 3.1.6)
      Microsoft.Extensions.DependencyModel (>= 5.0)
      System.Memory (>= 4.5.4)
      System.Numerics.Vectors (>= 4.5)
      System.Runtime.CompilerServices.Unsafe (>= 6.0)
    Silk.NET.GLFW (2.15)
      Silk.NET.Core (>= 2.15)
      Ultz.Native.GLFW (>= 3.3.3.1)
    SingleFileExtractor.Core (2.2.1)
      System.Memory (>= 4.5.5) - restriction: || (&& (== net6.0) (< netstandard2.1)) (== netstandard2.0)
    SixLabors.ImageSharp (2.1.9)
      System.Buffers (>= 4.5.1) - restriction: || (&& (== net6.0) (>= net472)) (&& (== net6.0) (< netcoreapp2.1)) (== netstandard2.0)
      System.Memory (>= 4.5.4) - restriction: || (&& (== net6.0) (>= net472)) (&& (== net6.0) (< netcoreapp2.1)) (== netstandard2.0)
      System.Numerics.Vectors (>= 4.5) - restriction: || (&& (== net6.0) (>= net472)) (&& (== net6.0) (< netcoreapp2.1)) (== netstandard2.0)
      System.Runtime.CompilerServices.Unsafe (>= 5.0)
      System.Text.Encoding.CodePages (>= 5.0)
    Suave (2.5.6)
      FSharp.Core (>= 4.3.4)
    System.Buffers (4.5.1)
    System.Collections (4.3)
      Microsoft.NETCore.Platforms (>= 1.1)
      Microsoft.NETCore.Targets (>= 1.1)
      System.Runtime (>= 4.3)
    System.Collections.Immutable (8.0)
      System.Memory (>= 4.5.5) - restriction: || (&& (== net6.0) (>= net462)) (== netstandard2.0)
      System.Runtime.CompilerServices.Unsafe (>= 6.0)
    System.Diagnostics.Debug (4.3)
      Microsoft.NETCore.Platforms (>= 1.1)
      Microsoft.NETCore.Targets (>= 1.1)
      System.Runtime (>= 4.3)
    System.Diagnostics.DiagnosticSource (8.0.1)
      System.Memory (>= 4.5.5) - restriction: || (&& (== net6.0) (>= net462)) (== netstandard2.0)
      System.Runtime.CompilerServices.Unsafe (>= 6.0)
    System.Dynamic.Runtime (4.3)
      System.Collections (>= 4.3)
      System.Diagnostics.Debug (>= 4.3)
      System.Linq (>= 4.3)
      System.Linq.Expressions (>= 4.3)
      System.ObjectModel (>= 4.3)
      System.Reflection (>= 4.3)
      System.Reflection.Emit (>= 4.3)
      System.Reflection.Emit.ILGeneration (>= 4.3)
      System.Reflection.Primitives (>= 4.3)
      System.Reflection.TypeExtensions (>= 4.3)
      System.Resources.ResourceManager (>= 4.3)
      System.Runtime (>= 4.3)
      System.Runtime.Extensions (>= 4.3)
      System.Threading (>= 4.3)
    System.Globalization (4.3)
      Microsoft.NETCore.Platforms (>= 1.1)
      Microsoft.NETCore.Targets (>= 1.1)
      System.Runtime (>= 4.3)
    System.IdentityModel.Tokens.Jwt (8.1.2) - restriction: || (== net6.0) (&& (== netstandard2.0) (>= net6.0))
      Microsoft.IdentityModel.JsonWebTokens (>= 8.1.2)
      Microsoft.IdentityModel.Tokens (>= 8.1.2)
    System.IO (4.3)
      Microsoft.NETCore.Platforms (>= 1.1)
      Microsoft.NETCore.Targets (>= 1.1)
      System.Runtime (>= 4.3)
      System.Text.Encoding (>= 4.3)
      System.Threading.Tasks (>= 4.3)
    System.Linq (4.3)
      System.Collections (>= 4.3)
      System.Diagnostics.Debug (>= 4.3)
      System.Resources.ResourceManager (>= 4.3)
      System.Runtime (>= 4.3)
      System.Runtime.Extensions (>= 4.3)
    System.Linq.Expressions (4.3)
      System.Collections (>= 4.3)
      System.Diagnostics.Debug (>= 4.3)
      System.Globalization (>= 4.3)
      System.IO (>= 4.3)
      System.Linq (>= 4.3)
      System.ObjectModel (>= 4.3)
      System.Reflection (>= 4.3)
      System.Reflection.Emit (>= 4.3)
      System.Reflection.Emit.ILGeneration (>= 4.3)
      System.Reflection.Emit.Lightweight (>= 4.3)
      System.Reflection.Extensions (>= 4.3)
      System.Reflection.Primitives (>= 4.3)
      System.Reflection.TypeExtensions (>= 4.3)
      System.Resources.ResourceManager (>= 4.3)
      System.Runtime (>= 4.3)
      System.Runtime.Extensions (>= 4.3)
      System.Threading (>= 4.3)
    System.Memory (4.5.5)
      System.Buffers (>= 4.5.1) - restriction: || (&& (== net6.0) (>= monotouch)) (&& (== net6.0) (>= net461)) (&& (== net6.0) (< netcoreapp2.0)) (&& (== net6.0) (< netstandard1.1)) (&& (== net6.0) (< netstandard2.0)) (&& (== net6.0) (>= xamarinios)) (&& (== net6.0) (>= xamarinmac)) (&& (== net6.0) (>= xamarintvos)) (&& (== net6.0) (>= xamarinwatchos)) (== netstandard2.0)
      System.Numerics.Vectors (>= 4.4) - restriction: || (&& (== net6.0) (< netcoreapp2.0)) (== netstandard2.0)
      System.Runtime.CompilerServices.Unsafe (>= 4.5.3) - restriction: || (&& (== net6.0) (>= monotouch)) (&& (== net6.0) (>= net461)) (&& (== net6.0) (< netcoreapp2.0)) (&& (== net6.0) (< netcoreapp2.1)) (&& (== net6.0) (< netstandard1.1)) (&& (== net6.0) (< netstandard2.0)) (&& (== net6.0) (>= uap10.1)) (&& (== net6.0) (>= xamarinios)) (&& (== net6.0) (>= xamarinmac)) (&& (== net6.0) (>= xamarintvos)) (&& (== net6.0) (>= xamarinwatchos)) (== netstandard2.0)
    System.Numerics.Vectors (4.5)
    System.ObjectModel (4.3)
      System.Collections (>= 4.3)
      System.Diagnostics.Debug (>= 4.3)
      System.Resources.ResourceManager (>= 4.3)
      System.Runtime (>= 4.3)
      System.Threading (>= 4.3)
    System.Reflection (4.3)
      Microsoft.NETCore.Platforms (>= 1.1)
      Microsoft.NETCore.Targets (>= 1.1)
      System.IO (>= 4.3)
      System.Reflection.Primitives (>= 4.3)
      System.Runtime (>= 4.3)
    System.Reflection.Emit (4.7)
      System.Reflection.Emit.ILGeneration (>= 4.7) - restriction: || (&& (== net6.0) (< netcoreapp2.0) (< netstandard2.1)) (&& (== net6.0) (< netstandard1.1)) (&& (== net6.0) (< netstandard2.0)) (&& (== net6.0) (>= uap10.1)) (== netstandard2.0)
    System.Reflection.Emit.ILGeneration (4.7)
    System.Reflection.Emit.Lightweight (4.7)
      System.Reflection.Emit.ILGeneration (>= 4.7) - restriction: || (&& (== net6.0) (< netcoreapp2.0) (< netstandard2.1)) (&& (== net6.0) (< netstandard2.0)) (&& (== net6.0) (< portable-net45+wp8)) (&& (== net6.0) (>= uap10.1)) (== netstandard2.0)
    System.Reflection.Extensions (4.3)
      Microsoft.NETCore.Platforms (>= 1.1)
      Microsoft.NETCore.Targets (>= 1.1)
      System.Reflection (>= 4.3)
      System.Runtime (>= 4.3)
    System.Reflection.Metadata (8.0.1)
      System.Collections.Immutable (>= 8.0)
      System.Memory (>= 4.5.5) - restriction: || (&& (== net6.0) (>= net462)) (== netstandard2.0)
    System.Reflection.Primitives (4.3)
      Microsoft.NETCore.Platforms (>= 1.1)
      Microsoft.NETCore.Targets (>= 1.1)
      System.Runtime (>= 4.3)
    System.Reflection.TypeExtensions (4.7)
    System.Resources.ResourceManager (4.3)
      Microsoft.NETCore.Platforms (>= 1.1)
      Microsoft.NETCore.Targets (>= 1.1)
      System.Globalization (>= 4.3)
      System.Reflection (>= 4.3)
      System.Runtime (>= 4.3)
    System.Runtime (4.3.1)
      Microsoft.NETCore.Platforms (>= 1.1.1)
      Microsoft.NETCore.Targets (>= 1.1.3)
    System.Runtime.CompilerServices.Unsafe (6.0)
    System.Runtime.Extensions (4.3.1)
      Microsoft.NETCore.Platforms (>= 1.1.1)
      Microsoft.NETCore.Targets (>= 1.1.3)
      System.Runtime (>= 4.3.1)
    System.Text.Encoding (4.3)
      Microsoft.NETCore.Platforms (>= 1.1)
      Microsoft.NETCore.Targets (>= 1.1)
      System.Runtime (>= 4.3)
    System.Text.Encoding.CodePages (8.0)
      System.Memory (>= 4.5.5) - restriction: || (&& (== net6.0) (>= net462)) (== netstandard2.0)
      System.Runtime.CompilerServices.Unsafe (>= 6.0)
    System.Text.Encodings.Web (8.0)
      System.Buffers (>= 4.5.1) - restriction: || (&& (== net6.0) (>= net462)) (== netstandard2.0)
      System.Memory (>= 4.5.5) - restriction: || (&& (== net6.0) (>= net462)) (== netstandard2.0)
      System.Runtime.CompilerServices.Unsafe (>= 6.0)
    System.Text.Json (8.0.5)
      Microsoft.Bcl.AsyncInterfaces (>= 8.0) - restriction: || (&& (== net6.0) (>= net462)) (== netstandard2.0)
      System.Buffers (>= 4.5.1) - restriction: || (&& (== net6.0) (>= net462)) (== netstandard2.0)
      System.Memory (>= 4.5.5) - restriction: || (&& (== net6.0) (>= net462)) (== netstandard2.0)
      System.Runtime.CompilerServices.Unsafe (>= 6.0)
      System.Text.Encodings.Web (>= 8.0)
      System.Threading.Tasks.Extensions (>= 4.5.4) - restriction: || (&& (== net6.0) (>= net462)) (== netstandard2.0)
    System.Threading (4.3)
      System.Runtime (>= 4.3)
      System.Threading.Tasks (>= 4.3)
    System.Threading.Tasks (4.3)
      Microsoft.NETCore.Platforms (>= 1.1)
      Microsoft.NETCore.Targets (>= 1.1)
      System.Runtime (>= 4.3)
    System.Threading.Tasks.Extensions (4.5.4) - restriction: || (&& (== net6.0) (>= net462)) (== netstandard2.0)
      System.Runtime.CompilerServices.Unsafe (>= 4.5.3) - restriction: || (&& (== net6.0) (>= net461)) (&& (== net6.0) (< netcoreapp2.1)) (&& (== net6.0) (< netstandard1.0)) (&& (== net6.0) (< netstandard2.0)) (&& (== net6.0) (>= wp8)) (== netstandard2.0)
    Thoth.Json.Giraffe (6.0)
      FSharp.Core (>= 6.0.1) - restriction: || (== net6.0) (&& (== netstandard2.0) (>= net6.0))
      Giraffe (>= 6.0.0-alpha-1) - restriction: || (== net6.0) (&& (== netstandard2.0) (>= net6.0))
      Thoth.Json.Net (>= 5.0) - restriction: || (== net6.0) (&& (== netstandard2.0) (>= net6.0))
    Thoth.Json.Net (11.0)
      Fable.Core (>= 3.1.6)
      FSharp.Core (>= 4.7.2)
      Newtonsoft.Json (>= 11.0.2)
    Ultz.Native.GLFW (3.4)
    Uncodium.Eigensystems (1.1.2)
      Aardvark.Base (>= 5.1 < 6.0)
    Unofficial.LibTessDotNet (2.0.2)
    Unofficial.OpenTK (3.0.21)
    Unofficial.Typography (0.1)
      System.Numerics.Vectors (>= 4.5)

GROUP Build
RESTRICTION: == net8.0
NUGET
  remote: https://api.nuget.org/v3/index.json
    Argu (6.2.4)
      FSharp.Core (>= 6.0.7)
      System.Configuration.ConfigurationManager (>= 4.4)
    BlackFox.VsWhere (1.1)
      FSharp.Core (>= 4.2.3)
      Microsoft.Win32.Registry (>= 4.7)
    fake-cli (6.1.3)
    Fake.Api.GitHub (6.1.3)
      FSharp.Core (>= 8.0.301)
      Octokit (>= 13.0.1)
    Fake.Core.CommandLineParsing (6.1.3)
      FParsec (>= 1.1.1)
      FSharp.Core (>= 8.0.301)
    Fake.Core.Context (6.1.3)
      FSharp.Core (>= 8.0.301)
    Fake.Core.Environment (6.1.3)
      FSharp.Core (>= 8.0.301)
    Fake.Core.FakeVar (6.1.3)
      Fake.Core.Context (>= 6.1.3)
      FSharp.Core (>= 8.0.301)
    Fake.Core.Process (6.1.3)
      Fake.Core.Environment (>= 6.1.3)
      Fake.Core.FakeVar (>= 6.1.3)
      Fake.Core.String (>= 6.1.3)
      Fake.Core.Trace (>= 6.1.3)
      Fake.IO.FileSystem (>= 6.1.3)
      FSharp.Core (>= 8.0.301)
      System.Collections.Immutable (>= 8.0)
    Fake.Core.ReleaseNotes (6.1.3)
      Fake.Core.SemVer (>= 6.1.3)
      Fake.Core.String (>= 6.1.3)
      FSharp.Core (>= 8.0.301)
    Fake.Core.SemVer (6.1.3)
      FSharp.Core (>= 8.0.301)
    Fake.Core.String (6.1.3)
      FSharp.Core (>= 8.0.301)
    Fake.Core.Target (6.1.3)
      Fake.Core.CommandLineParsing (>= 6.1.3)
      Fake.Core.Context (>= 6.1.3)
      Fake.Core.Environment (>= 6.1.3)
      Fake.Core.FakeVar (>= 6.1.3)
      Fake.Core.Process (>= 6.1.3)
      Fake.Core.String (>= 6.1.3)
      Fake.Core.Trace (>= 6.1.3)
      FSharp.Control.Reactive (>= 5.0.2)
      FSharp.Core (>= 8.0.301)
    Fake.Core.Tasks (6.1.3)
      Fake.Core.Trace (>= 6.1.3)
      FSharp.Core (>= 8.0.301)
    Fake.Core.Trace (6.1.3)
      Fake.Core.Environment (>= 6.1.3)
      Fake.Core.FakeVar (>= 6.1.3)
      FSharp.Core (>= 8.0.301)
    Fake.Core.Xml (6.1.3)
      Fake.Core.String (>= 6.1.3)
      FSharp.Core (>= 8.0.301)
    Fake.DotNet.Cli (6.1.3)
      Fake.Core.Environment (>= 6.1.3)
      Fake.Core.Process (>= 6.1.3)
      Fake.Core.String (>= 6.1.3)
      Fake.Core.Trace (>= 6.1.3)
      Fake.DotNet.MSBuild (>= 6.1.3)
      Fake.DotNet.NuGet (>= 6.1.3)
      Fake.IO.FileSystem (>= 6.1.3)
      FSharp.Core (>= 8.0.301)
      Mono.Posix.NETStandard (>= 1.0)
      Newtonsoft.Json (>= 13.0.3)
    Fake.DotNet.MSBuild (6.1.3)
      BlackFox.VsWhere (>= 1.1)
      Fake.Core.Environment (>= 6.1.3)
      Fake.Core.Process (>= 6.1.3)
      Fake.Core.String (>= 6.1.3)
      Fake.Core.Trace (>= 6.1.3)
      Fake.IO.FileSystem (>= 6.1.3)
      FSharp.Core (>= 8.0.301)
      MSBuild.StructuredLogger (>= 2.1.815)
    Fake.DotNet.NuGet (6.1.3)
      Fake.Core.Environment (>= 6.1.3)
      Fake.Core.Process (>= 6.1.3)
      Fake.Core.SemVer (>= 6.1.3)
      Fake.Core.String (>= 6.1.3)
      Fake.Core.Tasks (>= 6.1.3)
      Fake.Core.Trace (>= 6.1.3)
      Fake.Core.Xml (>= 6.1.3)
      Fake.IO.FileSystem (>= 6.1.3)
      Fake.Net.Http (>= 6.1.3)
      FSharp.Core (>= 8.0.301)
      Newtonsoft.Json (>= 13.0.3)
      NuGet.Protocol (>= 6.10.1)
    Fake.DotNet.Paket (6.1.3)
      Fake.Core.Process (>= 6.1.3)
      Fake.Core.String (>= 6.1.3)
      Fake.Core.Trace (>= 6.1.3)
      Fake.DotNet.Cli (>= 6.1.3)
      Fake.IO.FileSystem (>= 6.1.3)
      FSharp.Core (>= 8.0.301)
    Fake.IO.FileSystem (6.1.3)
      Fake.Core.String (>= 6.1.3)
      Fake.Core.Trace (>= 6.1.3)
      FSharp.Core (>= 8.0.301)
    Fake.Net.Http (6.1.3)
      Fake.Core.Trace (>= 6.1.3)
      FSharp.Core (>= 8.0.301)
    Fake.Tools.Git (6.1.3)
      Fake.Core.Environment (>= 6.1.3)
      Fake.Core.Process (>= 6.1.3)
      Fake.Core.SemVer (>= 6.1.3)
      Fake.Core.String (>= 6.1.3)
      Fake.Core.Trace (>= 6.1.3)
      Fake.IO.FileSystem (>= 6.1.3)
      FSharp.Core (>= 8.0.301)
    Farmer (1.9.2)
      FSharp.Core (>= 5.0)
      System.Text.Json (>= 5.0)
    FParsec (1.1.1)
      FSharp.Core (>= 4.3.4)
    FSharp.Control.Reactive (5.0.5)
      FSharp.Core (>= 4.7.2)
      System.Reactive (>= 5.0 < 6.0)
    FSharp.Core (8.0.401)
    Microsoft.Build.Framework (17.3.2)
      System.Security.Permissions (>= 6.0)
    Microsoft.Build.Utilities.Core (17.3.2)
      Microsoft.Build.Framework (>= 17.3.2)
      Microsoft.NET.StringTools (>= 17.3.2)
      System.Collections.Immutable (>= 6.0)
      System.Configuration.ConfigurationManager (>= 6.0)
    Microsoft.NET.StringTools (17.11.4)
    Microsoft.Win32.Registry (5.0)
      System.Security.AccessControl (>= 5.0)
      System.Security.Principal.Windows (>= 5.0)
    Mono.Cecil (0.11.6)
    Mono.Posix.NETStandard (1.0)
    MSBuild.StructuredLogger (2.1.815)
      Microsoft.Build.Framework (>= 16.10)
      Microsoft.Build.Utilities.Core (>= 16.10)
    Newtonsoft.Json (13.0.3)
    NuGet.Common (6.11.1)
      NuGet.Frameworks (>= 6.11.1)
    NuGet.Configuration (6.11.1)
      NuGet.Common (>= 6.11.1)
      System.Security.Cryptography.ProtectedData (>= 4.4)
    NuGet.Frameworks (6.11.1)
    NuGet.Packaging (6.11.1)
      Newtonsoft.Json (>= 13.0.3)
      NuGet.Configuration (>= 6.11.1)
      NuGet.Versioning (>= 6.11.1)
      System.Security.Cryptography.Pkcs (>= 6.0.4)
    NuGet.Protocol (6.11.1)
      NuGet.Packaging (>= 6.11.1)
    NuGet.Versioning (6.11.1)
    Octokit (13.0.1)
    System.Collections.Immutable (8.0)
    System.Configuration.ConfigurationManager (8.0.1)
      System.Diagnostics.EventLog (>= 8.0.1)
      System.Security.Cryptography.ProtectedData (>= 8.0)
    System.Diagnostics.EventLog (8.0.1)
    System.Reactive (5.0)
    System.Security.AccessControl (6.0.1)
    System.Security.Cryptography.Pkcs (8.0.1)
    System.Security.Cryptography.ProtectedData (8.0)
    System.Security.Permissions (8.0)
      System.Windows.Extensions (>= 8.0)
    System.Security.Principal.Windows (5.0)
    System.Text.Json (8.0.5)
    System.Windows.Extensions (8.0)

GROUP Test
RESTRICTION: || (== net6.0) (== net6.0-windows7.0)
NUGET
  remote: https://api.nuget.org/v3/index.json
    Aardvark.Application (5.4.12)
      Aardvark.Base.Essentials (>= 5.2.27 < 5.3)
      Aardvark.Base.Incremental (>= 5.2.27 < 5.3)
      Aardvark.Rendering (5.4.12)
      FShade.Core (>= 5.5.3 < 5.6)
      FShade.GLSL (>= 5.5.3)
      FSharp.Core (>= 5.0.1)
    Aardvark.Application.Slim (5.4.12)
      Aardvark.Application (5.4.12)
      Aardvark.Base.Essentials (>= 5.2.27 < 5.3)
      Aardvark.Base.Incremental (>= 5.2.27 < 5.3)
      Aardvark.Base.Runtime (>= 5.2.27 < 5.3)
      Aardvark.Rendering (5.4.12)
      FShade (>= 5.5.3 < 5.6)
      FSharp.Core (>= 5.0.1)
      Silk.NET.GLFW (2.15)
      Unofficial.OpenTK (>= 3.0.21 < 3.1)
    Aardvark.Application.Slim.GL (5.4.12)
      Aardvark.Application (5.4.12)
      Aardvark.Application.Slim (5.4.12)
      Aardvark.Base.Essentials (>= 5.2.27 < 5.3)
      Aardvark.Base.Incremental (>= 5.2.27 < 5.3)
      Aardvark.Base.Runtime (>= 5.2.27 < 5.3)
      Aardvark.Base.Tensors (>= 5.2.27 < 5.3)
      Aardvark.Rendering (5.4.12)
      Aardvark.Rendering.GL (5.4.12)
      FShade (>= 5.5.3 < 5.6)
      FSharp.Core (>= 5.0.1)
      Silk.NET.Core (2.15)
      Silk.NET.GLFW (2.15)
      Unofficial.OpenTK (>= 3.0.21 < 3.1)
    Aardvark.Application.Slim.Vulkan (5.4.12)
      Aardvark.Application (5.4.12)
      Aardvark.Application.Slim (5.4.12)
      Aardvark.Base.Essentials (>= 5.2.27 < 5.3)
      Aardvark.Base.Incremental (>= 5.2.27 < 5.3)
      Aardvark.Base.Runtime (>= 5.2.27 < 5.3)
      Aardvark.Rendering (5.4.12)
      Aardvark.Rendering.Vulkan (5.4.12)
      FShade (>= 5.5.3 < 5.6)
      FSharp.Core (>= 5.0.1)
      GLSLangSharp (>= 0.4.14 < 0.5)
      Silk.NET.GLFW (2.15)
      Unofficial.OpenTK (>= 3.0.21 < 3.1)
    Aardvark.Assembler (0.0.8)
      Aardvark.Base (>= 5.2.7 < 5.3)
      Aardvark.Base.Runtime (>= 5.2.7 < 5.3)
      FSharp.Core (>= 5.0)
      FSharp.Data.Adaptive (>= 1.2.13 < 1.3)
    Aardvark.Base (5.2.32)
      Aardvark.Base.Telemetry (5.2.32)
      System.Collections.Immutable (>= 5.0)
      System.Text.Json (>= 4.7.2)
    Aardvark.Base.Essentials (5.2.32)
      Aardvark.Base (5.2.32)
      System.Collections.Immutable (>= 5.0)
    Aardvark.Base.FSharp (5.2.32)
      Aardvark.Base (5.2.32)
      Aardvark.Base.TypeProviders (>= 4.5.15 < 4.6)
      FSharp.Core (>= 5.0)
      FSharp.Data.Adaptive (>= 1.2 < 1.3)
      FsPickler (>= 5.3.2 < 5.4)
      System.Dynamic.Runtime (>= 4.3 < 4.4)
    Aardvark.Base.Incremental (5.2.32)
      Aardvark.Base (5.2.32)
      Aardvark.Base.FSharp (5.2.32)
      Aardvark.Base.TypeProviders (>= 4.5.15 < 4.6)
      FSharp.Core (>= 5.0)
      FSharp.Data.Adaptive (>= 1.2 < 1.3)
      FsPickler (>= 5.3.2 < 5.4)
    Aardvark.Base.Runtime (5.2.32)
      Aardvark.Base.FSharp (5.2.32)
      Aardvark.Base.Incremental (5.2.32)
      Aardvark.Base.TypeProviders (>= 4.5.15 < 4.6)
      FSharp.Core (>= 5.0)
      FSharp.Data.Adaptive (>= 1.2 < 1.3)
      FsPickler (>= 5.3.2 < 5.4)
    Aardvark.Base.Telemetry (5.2.32)
    Aardvark.Base.Tensors (5.2.32)
      Aardvark.Base (5.2.32)
      Aardvark.Base.FSharp (5.2.32)
      FSharp.Core (>= 5.0)
      SixLabors.ImageSharp (>= 2.1.3 < 2.2)
    Aardvark.Base.TypeProviders (4.5.15)
      FSharp.Core (>= 4.2.3)
    Aardvark.Geometry (5.2.32)
      Aardvark.Base (5.2.32)
      Aardvark.Base.FSharp (5.2.32)
      Aardvark.Base.Tensors (5.2.32)
      Aardvark.Base.TypeProviders (>= 4.5.15 < 4.6)
      FSharp.Core (>= 5.0)
      FSharp.Data.Adaptive (>= 1.2 < 1.3)
      FsPickler (>= 5.3.2 < 5.4)
      Unofficial.LibTessDotNet (>= 2.0.2 < 2.1)
    Aardvark.Rendering (5.4.12)
      Aardvark.Base.Essentials (>= 5.2.27 < 5.3)
      Aardvark.Base.Incremental (>= 5.2.27 < 5.3)
      Aardvark.Base.Tensors (>= 5.2.27 < 5.3)
      FShade.Core (>= 5.5.3 < 5.6)
      FShade.GLSL (>= 5.5.3)
      FSharp.Core (>= 5.0.1)
      FSharp.Data.Adaptive (>= 1.2.13 < 1.3)
    Aardvark.Rendering.GL (5.4.12)
      Aardvark.Assembler (>= 0.0.8 < 0.1)
      Aardvark.Base.Essentials (>= 5.2.27 < 5.3)
      Aardvark.Base.Incremental (>= 5.2.27 < 5.3)
      Aardvark.Base.Runtime (>= 5.2.27 < 5.3)
      Aardvark.Base.Tensors (>= 5.2.27 < 5.3)
      Aardvark.Geometry (>= 5.2.27 < 5.3)
      Aardvark.Rendering (5.4.12)
      FShade (>= 5.5.3 < 5.6)
      FSharp.Core (>= 5.0.1)
      Unofficial.OpenTK (>= 3.0.21 < 3.1)
    Aardvark.Rendering.Text (5.4.12)
      Aardvark.Base.Incremental (>= 5.2.27 < 5.3)
      Aardvark.Rendering (5.4.12)
      Aardvark.SceneGraph (5.4.12)
      CommonMark.NET (>= 0.15.1 < 0.16)
      FShade.Core (>= 5.5.3 < 5.6)
      FShade.GLSL (>= 5.5.3)
      FSharp.Core (>= 5.0.1)
      Unofficial.LibTessDotNet (>= 2.0.2 < 2.1)
      Unofficial.Typography (>= 0.1 < 0.2)
    Aardvark.Rendering.Vulkan (5.4.12)
      Aardvark.Base.FSharp (>= 5.2.27 < 5.3)
      Aardvark.Base.Incremental (>= 5.2.27 < 5.3)
      Aardvark.Base.Runtime (>= 5.2.27 < 5.3)
      Aardvark.Base.Tensors (>= 5.2.27 < 5.3)
      Aardvark.Rendering (5.4.12)
      FShade (>= 5.5.3 < 5.6)
      FSharp.Core (>= 5.0.1)
      GLSLangSharp (>= 0.4.14 < 0.5)
    Aardvark.SceneGraph (5.4.12)
      Aardvark.Base.Incremental (>= 5.2.27 < 5.3)
      Aardvark.Rendering (5.4.12)
      FShade.Core (>= 5.5.3 < 5.6)
      FShade.GLSL (>= 5.5.3)
      FSharp.Core (>= 5.0.1)
    Aardvark.SceneGraph.IO (5.4.12)
      Aardvark.Base.Incremental (>= 5.2.27 < 5.3)
      Aardvark.Base.Tensors (>= 5.2.27 < 5.3)
      Aardvark.Rendering (5.4.12)
      Aardvark.SceneGraph (5.4.12)
      AssimpNet (>= 5.0.0-beta1 < 5.1.0-beta)
      FShade.Core (>= 5.5.3 < 5.6)
      FShade.GLSL (>= 5.5.3)
      FSharp.Core (>= 5.0.1)
    AssimpNet (5.0.0-beta1)
      NETStandard.Library (>= 1.6.1)
    BenchmarkDotNet (0.13.12)
      BenchmarkDotNet.Annotations (>= 0.13.12)
      CommandLineParser (>= 2.9.1)
      Gee.External.Capstone (>= 2.3)
      Iced (>= 1.17)
      Microsoft.CodeAnalysis.CSharp (>= 4.1)
      Microsoft.Diagnostics.Runtime (>= 2.2.332302)
      Microsoft.Diagnostics.Tracing.TraceEvent (>= 3.0.2)
      Microsoft.DotNet.PlatformAbstractions (>= 3.1.6)
      Perfolizer (0.2.1)
      System.Management (>= 5.0)
    BenchmarkDotNet.Annotations (0.14)
    CommandLineParser (2.9.1)
    CommonMark.NET (0.15.1)
    Expecto (9.0.4)
      FSharp.Core (>= 4.6)
      Mono.Cecil (>= 0.11.3)
    Expecto.FsCheck (9.0.4)
      Expecto (>= 9.0.4)
      FsCheck (>= 2.14.3)
    FsCheck (2.16.6)
      FSharp.Core (>= 4.2.3)
    FsCheck.NUnit (2.16.6)
      FsCheck (2.16.6)
      NUnit (>= 3.13.1 < 4.0)
    FShade (5.5.4)
      FShade.Core (5.5.4)
      FShade.GLSL (5.5.4)
      FShade.Imperative (5.5.4)
      FShade.SpirV (5.5.4)
    FShade.Core (5.5.4)
      Aardvark.Base (>= 5.2.19 < 5.3)
      Aardvark.Base.FSharp (>= 5.2.19 < 5.3)
      FShade.Imperative (5.5.4)
      FSharp.Core (>= 5.0)
    FShade.GLSL (5.5.4)
      Aardvark.Base (>= 5.2.19 < 5.3)
      Aardvark.Base.FSharp (>= 5.2.19 < 5.3)
      FShade.Core (5.5.4)
      FShade.Imperative (5.5.4)
      FSharp.Core (>= 5.0)
    FShade.Imperative (5.5.4)
      Aardvark.Base (>= 5.2.19 < 5.3)
      Aardvark.Base.FSharp (>= 5.2.19 < 5.3)
      FSharp.Core (>= 5.0)
      FsPickler (>= 5.3.2 < 5.4)
    FShade.SpirV (5.5.4)
      Aardvark.Base (>= 5.2.19 < 5.3)
      Aardvark.Base.FSharp (>= 5.2.19 < 5.3)
      FShade.Core (5.5.4)
      FShade.Imperative (5.5.4)
      FSharp.Core (>= 5.0)
    FSharp.Core (8.0.100)
    FSharp.Data.Adaptive (1.2.16)
      FSharp.Core (>= 4.7)
      System.Reflection.Emit.Lightweight (>= 4.6)
    FsPickler (5.3.2)
      FSharp.Core (>= 4.3.2)
      System.Reflection.Emit.Lightweight (>= 4.3)
    FsUnit (5.0.5)
      FSharp.Core (>= 5.0.2)
      NUnit (>= 3.13.3 < 3.14)
    Gee.External.Capstone (2.3)
    GLSLangSharp (0.4.15)
      FSharp.Core (>= 5.0)
    Iced (1.21)
    Microsoft.CodeAnalysis.Analyzers (3.11)
    Microsoft.CodeAnalysis.Common (4.11)
      Microsoft.CodeAnalysis.Analyzers (>= 3.3.4)
      System.Buffers (>= 4.5.1)
      System.Collections.Immutable (>= 8.0)
      System.Memory (>= 4.5.5)
      System.Numerics.Vectors (>= 4.5)
      System.Reflection.Metadata (>= 8.0)
      System.Runtime.CompilerServices.Unsafe (>= 6.0)
      System.Text.Encoding.CodePages (>= 7.0)
      System.Threading.Tasks.Extensions (>= 4.5.4)
    Microsoft.CodeAnalysis.CSharp (4.11)
      Microsoft.CodeAnalysis.Analyzers (>= 3.3.4)
      Microsoft.CodeAnalysis.Common (4.11)
      System.Buffers (>= 4.5.1)
      System.Collections.Immutable (>= 8.0)
      System.Memory (>= 4.5.5)
      System.Numerics.Vectors (>= 4.5)
      System.Reflection.Metadata (>= 8.0)
      System.Runtime.CompilerServices.Unsafe (>= 6.0)
      System.Text.Encoding.CodePages (>= 7.0)
      System.Threading.Tasks.Extensions (>= 4.5.4)
    Microsoft.CodeCoverage (17.11.1)
    Microsoft.CSharp (4.7)
    Microsoft.Diagnostics.NETCore.Client (0.2.547301)
      Microsoft.Extensions.Logging.Abstractions (>= 6.0.4)
    Microsoft.Diagnostics.Runtime (3.1.512801)
      Microsoft.Diagnostics.NETCore.Client (>= 0.2.410101)
    Microsoft.Diagnostics.Tracing.TraceEvent (3.1.16)
      Microsoft.Diagnostics.NETCore.Client (>= 0.2.510501)
      Microsoft.Win32.Registry (>= 5.0)
      System.Collections.Immutable (>= 8.0)
      System.Reflection.Metadata (>= 8.0)
      System.Reflection.TypeExtensions (>= 4.7)
      System.Runtime.CompilerServices.Unsafe (>= 6.0)
    Microsoft.DotNet.PlatformAbstractions (3.1.6)
    Microsoft.Extensions.DependencyInjection.Abstractions (8.0.2)
    Microsoft.Extensions.DependencyModel (8.0.2)
      System.Text.Encodings.Web (>= 8.0)
      System.Text.Json (>= 8.0.5)
    Microsoft.Extensions.Logging.Abstractions (8.0.2)
      Microsoft.Extensions.DependencyInjection.Abstractions (>= 8.0.2)
      System.Diagnostics.DiagnosticSource (>= 8.0.1)
    Microsoft.NET.Test.Sdk (17.2.1)
      Microsoft.CodeCoverage (>= 17.2.1)
      Microsoft.TestPlatform.TestHost (>= 17.2.1)
    Microsoft.NETCore.Platforms (7.0.4)
    Microsoft.NETCore.Targets (5.0)
    Microsoft.TestPlatform.ObjectModel (17.11.1)
      System.Reflection.Metadata (>= 1.6)
    Microsoft.TestPlatform.TestHost (17.11.1)
      Microsoft.TestPlatform.ObjectModel (>= 17.11.1)
      Newtonsoft.Json (>= 13.0.1)
    Microsoft.Win32.Registry (5.0)
      System.Security.AccessControl (>= 5.0)
      System.Security.Principal.Windows (>= 5.0)
    Mono.Cecil (0.11.6)
    NETStandard.Library (2.0.3)
      Microsoft.NETCore.Platforms (>= 1.1)
    Newtonsoft.Json (13.0.3)
    NUnit (3.13.3)
      NETStandard.Library (>= 2.0)
    NUnit3TestAdapter (4.2.1)
    Perfolizer (0.2.1)
      System.Memory (>= 4.5.3)
    PRo3D.SPICE (1.0.2)
      Aardvark.Base (>= 5.2.13 < 5.3)
      FSharp.Core (>= 5.0.1)
    Silk.NET.Core (2.15)
      Microsoft.CSharp (>= 4.7)
      Microsoft.DotNet.PlatformAbstractions (>= 3.1.6)
      Microsoft.Extensions.DependencyModel (>= 5.0)
      System.Memory (>= 4.5.4)
      System.Numerics.Vectors (>= 4.5)
      System.Runtime.CompilerServices.Unsafe (>= 6.0)
    Silk.NET.GLFW (2.15)
      Silk.NET.Core (>= 2.15)
      Ultz.Native.GLFW (>= 3.3.3.1)
    SixLabors.ImageSharp (2.1.9)
      System.Runtime.CompilerServices.Unsafe (>= 5.0)
      System.Text.Encoding.CodePages (>= 5.0)
    System.Buffers (4.5.1)
    System.CodeDom (8.0)
    System.Collections (4.3)
      Microsoft.NETCore.Platforms (>= 1.1)
      Microsoft.NETCore.Targets (>= 1.1)
      System.Runtime (>= 4.3)
    System.Collections.Immutable (8.0)
      System.Runtime.CompilerServices.Unsafe (>= 6.0)
    System.Diagnostics.Debug (4.3)
      Microsoft.NETCore.Platforms (>= 1.1)
      Microsoft.NETCore.Targets (>= 1.1)
      System.Runtime (>= 4.3)
    System.Diagnostics.DiagnosticSource (8.0.1)
      System.Runtime.CompilerServices.Unsafe (>= 6.0)
    System.Dynamic.Runtime (4.3)
      System.Collections (>= 4.3)
      System.Diagnostics.Debug (>= 4.3)
      System.Linq (>= 4.3)
      System.Linq.Expressions (>= 4.3)
      System.ObjectModel (>= 4.3)
      System.Reflection (>= 4.3)
      System.Reflection.Emit (>= 4.3)
      System.Reflection.Emit.ILGeneration (>= 4.3)
      System.Reflection.Primitives (>= 4.3)
      System.Reflection.TypeExtensions (>= 4.3)
      System.Resources.ResourceManager (>= 4.3)
      System.Runtime (>= 4.3)
      System.Runtime.Extensions (>= 4.3)
      System.Threading (>= 4.3)
    System.Globalization (4.3)
      Microsoft.NETCore.Platforms (>= 1.1)
      Microsoft.NETCore.Targets (>= 1.1)
      System.Runtime (>= 4.3)
    System.IO (4.3)
      Microsoft.NETCore.Platforms (>= 1.1)
      Microsoft.NETCore.Targets (>= 1.1)
      System.Runtime (>= 4.3)
      System.Text.Encoding (>= 4.3)
      System.Threading.Tasks (>= 4.3)
    System.Linq (4.3)
      System.Collections (>= 4.3)
      System.Diagnostics.Debug (>= 4.3)
      System.Resources.ResourceManager (>= 4.3)
      System.Runtime (>= 4.3)
      System.Runtime.Extensions (>= 4.3)
    System.Linq.Expressions (4.3)
      System.Collections (>= 4.3)
      System.Diagnostics.Debug (>= 4.3)
      System.Globalization (>= 4.3)
      System.IO (>= 4.3)
      System.Linq (>= 4.3)
      System.ObjectModel (>= 4.3)
      System.Reflection (>= 4.3)
      System.Reflection.Emit (>= 4.3)
      System.Reflection.Emit.ILGeneration (>= 4.3)
      System.Reflection.Emit.Lightweight (>= 4.3)
      System.Reflection.Extensions (>= 4.3)
      System.Reflection.Primitives (>= 4.3)
      System.Reflection.TypeExtensions (>= 4.3)
      System.Resources.ResourceManager (>= 4.3)
      System.Runtime (>= 4.3)
      System.Runtime.Extensions (>= 4.3)
      System.Threading (>= 4.3)
    System.Management (8.0)
      System.CodeDom (>= 8.0)
    System.Memory (4.5.5)
    System.Numerics.Vectors (4.5)
    System.ObjectModel (4.3)
      System.Collections (>= 4.3)
      System.Diagnostics.Debug (>= 4.3)
      System.Resources.ResourceManager (>= 4.3)
      System.Runtime (>= 4.3)
      System.Threading (>= 4.3)
    System.Reflection (4.3)
      Microsoft.NETCore.Platforms (>= 1.1)
      Microsoft.NETCore.Targets (>= 1.1)
      System.IO (>= 4.3)
      System.Reflection.Primitives (>= 4.3)
      System.Runtime (>= 4.3)
    System.Reflection.Emit (4.7)
    System.Reflection.Emit.ILGeneration (4.7)
    System.Reflection.Emit.Lightweight (4.7)
    System.Reflection.Extensions (4.3)
      Microsoft.NETCore.Platforms (>= 1.1)
      Microsoft.NETCore.Targets (>= 1.1)
      System.Reflection (>= 4.3)
      System.Runtime (>= 4.3)
    System.Reflection.Metadata (8.0.1)
      System.Collections.Immutable (>= 8.0)
    System.Reflection.Primitives (4.3)
      Microsoft.NETCore.Platforms (>= 1.1)
      Microsoft.NETCore.Targets (>= 1.1)
      System.Runtime (>= 4.3)
    System.Reflection.TypeExtensions (4.7)
    System.Resources.ResourceManager (4.3)
      Microsoft.NETCore.Platforms (>= 1.1)
      Microsoft.NETCore.Targets (>= 1.1)
      System.Globalization (>= 4.3)
      System.Reflection (>= 4.3)
      System.Runtime (>= 4.3)
    System.Runtime (4.3.1)
      Microsoft.NETCore.Platforms (>= 1.1.1)
      Microsoft.NETCore.Targets (>= 1.1.3)
    System.Runtime.CompilerServices.Unsafe (6.0)
    System.Runtime.Extensions (4.3.1)
      Microsoft.NETCore.Platforms (>= 1.1.1)
      Microsoft.NETCore.Targets (>= 1.1.3)
      System.Runtime (>= 4.3.1)
    System.Security.AccessControl (6.0.1)
    System.Security.Principal.Windows (5.0)
    System.Text.Encoding (4.3)
      Microsoft.NETCore.Platforms (>= 1.1)
      Microsoft.NETCore.Targets (>= 1.1)
      System.Runtime (>= 4.3)
    System.Text.Encoding.CodePages (8.0)
      System.Runtime.CompilerServices.Unsafe (>= 6.0)
    System.Text.Encodings.Web (8.0)
      System.Runtime.CompilerServices.Unsafe (>= 6.0)
    System.Text.Json (8.0.5)
      System.Runtime.CompilerServices.Unsafe (>= 6.0)
      System.Text.Encodings.Web (>= 8.0)
    System.Threading (4.3)
      System.Runtime (>= 4.3)
      System.Threading.Tasks (>= 4.3)
    System.Threading.Tasks (4.3)
      Microsoft.NETCore.Platforms (>= 1.1)
      Microsoft.NETCore.Targets (>= 1.1)
      System.Runtime (>= 4.3)
    System.Threading.Tasks.Extensions (4.5.4)
    Ultz.Native.GLFW (3.4)
    Unofficial.LibTessDotNet (2.0.2)
    Unofficial.OpenTK (3.0.21)
    Unofficial.Typography (0.1)
      System.Numerics.Vectors (>= 4.5)
    YoloDev.Expecto.TestSdk (0.12.20)
      Expecto (>= 9.0 < 10.0)
      FSharp.Core (>= 4.6)
      System.Collections.Immutable (>= 1.7.1)
