STORAGE: NONE
RESTRICTION: == net5.0
NUGET
  remote: https://api.nuget.org/v3/index.json
    Aardium (2.0.9)
      FSharp.Core (>= 4.7)
      FSys (>= 0.0.1 < 0.1)
    Aardvark.Application (5.1.22)
      Aardvark.Base.Essentials (>= 5.1.22 < 5.2)
      Aardvark.Base.Incremental (>= 5.1.22 < 5.2)
      Aardvark.Rendering (5.1.22)
      FShade.Core (>= 5.2.2 < 5.3)
      FShade.GLSL (>= 5.2.2)
      FSharp.Core (>= 5.0)
    Aardvark.Application.Slim (5.1.22)
      Aardvark.Application (5.1.22)
      Aardvark.Base.Essentials (>= 5.1.22 < 5.2)
      Aardvark.Base.Incremental (>= 5.1.22 < 5.2)
      Aardvark.Base.Runtime (>= 5.1.22 < 5.2)
      Aardvark.Rendering (5.1.22)
      FShade (>= 5.2.2 < 5.3)
      FSharp.Core (>= 5.0)
      Unofficial.OpenTK (>= 3.0.19 < 3.1)
    Aardvark.Application.Slim.GL (5.1.22)
      Aardvark.Application (5.1.22)
      Aardvark.Base.Essentials (>= 5.1.22 < 5.2)
      Aardvark.Base.Incremental (>= 5.1.22 < 5.2)
      Aardvark.Base.Runtime (>= 5.1.22 < 5.2)
      Aardvark.Base.Tensors (>= 5.1.22 < 5.2)
      Aardvark.Rendering (5.1.22)
      Aardvark.Rendering.GL (5.1.22)
      FShade (>= 5.2.2 < 5.3)
      FSharp.Core (>= 5.0)
      Silk.NET.Core (1.7)
      Silk.NET.GLFW (1.7)
      Unofficial.OpenTK (>= 3.0.19 < 3.1)
    Aardvark.Application.Slim.Vulkan (5.1.22)
      Aardvark.Application (5.1.22)
      Aardvark.Application.Slim (5.1.22)
      Aardvark.Base.Essentials (>= 5.1.22 < 5.2)
      Aardvark.Base.Incremental (>= 5.1.22 < 5.2)
      Aardvark.Base.Runtime (>= 5.1.22 < 5.2)
      Aardvark.Rendering (5.1.22)
      Aardvark.Rendering.Vulkan (5.1.22)
      FShade (>= 5.2.2 < 5.3)
      FSharp.Core (>= 5.0)
      GLSLangSharp (>= 0.4.10 < 0.5)
      Unofficial.OpenTK (>= 3.0.19 < 3.1)
    Aardvark.Base (5.1.27)
      Aardvark.Base.Telemetry (5.1.27)
      System.Collections.Immutable (>= 1.7)
      System.Text.Json (>= 4.7.2)
    Aardvark.Base.Essentials (5.1.27)
      Aardvark.Base (5.1.27)
      System.Collections.Immutable (>= 1.7)
    Aardvark.Base.FSharp (5.1.27)
      Aardvark.Base (5.1.27)
      Aardvark.Base.TypeProviders (>= 4.5.15 < 4.6)
      FSharp.Core (>= 5.0)
      FSharp.Data.Adaptive (>= 1.2 < 1.3)
      FsPickler (>= 5.3.2 < 5.4)
      System.Dynamic.Runtime (>= 4.3 < 4.4)
    Aardvark.Base.Incremental (5.1.27)
      Aardvark.Base (5.1.27)
      Aardvark.Base.FSharp (5.1.27)
      Aardvark.Base.TypeProviders (>= 4.5.15 < 4.6)
      FSharp.Core (>= 5.0)
      FSharp.Data.Adaptive (>= 1.2 < 1.3)
      FsPickler (>= 5.3.2 < 5.4)
    Aardvark.Base.IO (5.1.27)
      Aardvark.Base (5.1.27)
      Aardvark.Base.Tensors (5.1.27)
      System.Dynamic.Runtime (>= 4.3 < 4.4)
    Aardvark.Base.Runtime (5.1.27)
      Aardvark.Base.FSharp (5.1.27)
      Aardvark.Base.Incremental (5.1.27)
      Aardvark.Base.TypeProviders (>= 4.5.15 < 4.6)
      FSharp.Core (>= 5.0)
      FSharp.Data.Adaptive (>= 1.2 < 1.3)
      FsPickler (>= 5.3.2 < 5.4)
    Aardvark.Base.Telemetry (5.1.27)
    Aardvark.Base.Tensors (5.1.27)
      Aardvark.Base (5.1.27)
      Aardvark.Base.FSharp (5.1.27)
      FSharp.Core (>= 5.0)
      SixLabors.ImageSharp (>= 1.0.2 < 1.1)
    Aardvark.Base.TypeProviders (4.5.15)
      FSharp.Core (>= 4.2.3)
    Aardvark.Geometry (5.1.27)
      Aardvark.Base (5.1.27)
      Aardvark.Base.FSharp (5.1.27)
      Aardvark.Base.Tensors (5.1.27)
      Aardvark.Base.TypeProviders (>= 4.5.15 < 4.6)
      FSharp.Core (>= 5.0)
      FSharp.Data.Adaptive (>= 1.2 < 1.3)
      FsPickler (>= 5.3.2 < 5.4)
      Unofficial.LibTessDotNet (>= 2.0.2 < 2.1)
    Aardvark.Geometry.Intersection (5.1.34)
      Aardvark.Base.IO (>= 5.1.25 < 5.2)
    Aardvark.Geometry.PointTree (5.1.34)
      Aardvark.Base.IO (>= 5.1.25 < 5.2)
    Aardvark.GPGPU (5.1.22)
      Aardvark.Base.Incremental (>= 5.1.22 < 5.2)
      Aardvark.Rendering (5.1.22)
      FShade.Core (>= 5.2.2 < 5.3)
      FShade.GLSL (>= 5.2.2)
      FSharp.Core (>= 5.0)
    Aardvark.PixImage.DevIL (5.1.27)
      Aardvark.Base (5.1.27)
      Aardvark.Base.Tensors (5.1.27)
      DevILSharp
    Aardvark.Rendering (5.1.22)
      Aardvark.Base.Essentials (>= 5.1.22 < 5.2)
      Aardvark.Base.Incremental (>= 5.1.22 < 5.2)
      Aardvark.Base.Tensors (>= 5.1.22 < 5.2)
      FShade.Core (>= 5.2.2 < 5.3)
      FShade.GLSL (>= 5.2.2)
      FSharp.Core (>= 5.0)
      FSharp.Data.Adaptive (>= 1.2.6 < 1.3)
    Aardvark.Rendering.GL (5.1.22)
      Aardvark.Base.Essentials (>= 5.1.22 < 5.2)
      Aardvark.Base.Incremental (>= 5.1.22 < 5.2)
      Aardvark.Base.Runtime (>= 5.1.22 < 5.2)
      Aardvark.Base.Tensors (>= 5.1.22 < 5.2)
      Aardvark.Geometry (>= 5.1.22 < 5.2)
      Aardvark.PixImage.DevIL (>= 5.1.22 < 5.2)
      Aardvark.Rendering (5.1.22)
      FShade (>= 5.2.2 < 5.3)
      FSharp.Core (>= 5.0)
      Unofficial.OpenTK (>= 3.0.19 < 3.1)
    Aardvark.Rendering.Text (5.1.22)
      Aardvark.Base.Incremental (>= 5.1.22 < 5.2)
      Aardvark.Rendering (5.1.22)
      Aardvark.SceneGraph (5.1.22)
      CommonMark.NET (>= 0.15.1 < 0.16)
      FShade.Core (>= 5.2.2 < 5.3)
      FShade.GLSL (>= 5.2.2)
      FSharp.Core (>= 5.0)
      Unofficial.LibTessDotNet (>= 2.0.2 < 2.1)
      Unofficial.Typography (>= 0.1 < 0.2)
    Aardvark.Rendering.Vulkan (5.1.22)
      Aardvark.Base.Incremental (>= 5.1.22 < 5.2)
      Aardvark.Base.Runtime (>= 5.1.22 < 5.2)
      Aardvark.Base.Tensors (>= 5.1.22 < 5.2)
      Aardvark.PixImage.DevIL (>= 5.1.22 < 5.2)
      Aardvark.Rendering (5.1.22)
      FShade (>= 5.2.2 < 5.3)
      FSharp.Core (>= 5.0)
      GLSLangSharp (>= 0.4.10 < 0.5)
    Aardvark.SceneGraph (5.1.22)
      Aardvark.Base.Incremental (>= 5.1.22 < 5.2)
      Aardvark.Rendering (5.1.22)
      FShade.Core (>= 5.2.2 < 5.3)
      FShade.GLSL (>= 5.2.2)
      FSharp.Core (>= 5.0)
    Aardvark.SceneGraph.IO (5.1.22)
      Aardvark.Base.Incremental (>= 5.1.22 < 5.2)
      Aardvark.Base.Tensors (>= 5.1.22 < 5.2)
      Aardvark.Rendering (5.1.22)
      Aardvark.SceneGraph (5.1.22)
      AssimpNet (>= 5.0.0-beta1 < 5.1.0-beta)
      FShade.Core (>= 5.2.2 < 5.3)
      FShade.GLSL (>= 5.2.2)
      FSharp.Core (>= 5.0)
    Aardvark.SceneGraph.Opc (5.1.22)
      Aardvark.Base.Incremental (>= 5.1.22 < 5.2)
      Aardvark.Base.IO (>= 5.1.22 < 5.2)
      Aardvark.Rendering (5.1.22)
      Aardvark.SceneGraph (5.1.22)
      FSharp.Core (>= 5.0)
      SharpZipLib (>= 1.2 < 1.3)
    Aardvark.Service (5.3.0-prerelease0004)
      Aardvark.Application (>= 5.1.22)
      Aardvark.Base (>= 5.1.11 < 5.2)
      Aardvark.Base.FSharp (>= 5.1.11 < 5.2)
      Aardvark.GPGPU (>= 5.1.18 < 5.2)
      Aardvark.Rendering (>= 5.1.18 < 5.2)
      Aardvark.Rendering.GL (>= 5.1.22)
      Aardvark.Rendering.Vulkan (>= 5.1.18 < 5.2)
      FSharp.Core (>= 5.0.1)
      FSharp.Data.Adaptive (>= 1.2.8 < 1.3)
      FsPickler (>= 5.3.2 < 5.4)
      FsPickler.Json (>= 5.3.2 < 5.4)
      Suave (>= 2.5.6 < 2.6)
    Aardvark.Service.Giraffe (5.3.0-prerelease0004)
      Aardvark.Application (>= 5.1.22)
      Aardvark.Base (>= 5.1.11 < 5.2)
      Aardvark.Base.FSharp (>= 5.1.11 < 5.2)
      Aardvark.GPGPU (>= 5.1.18 < 5.2)
      Aardvark.Rendering (>= 5.1.18 < 5.2)
      Aardvark.Rendering.GL (>= 5.1.22)
      Aardvark.Rendering.Vulkan (>= 5.1.18 < 5.2)
      Aardvark.Service (5.3.0-prerelease0004)
      Aardvark.UI (5.3.0-prerelease0004)
      FSharp.Core (>= 5.0.1)
      FSharp.Data.Adaptive (>= 1.2.8 < 1.3)
      FsPickler (>= 5.3.2 < 5.4)
      FsPickler.Json (>= 5.3.2 < 5.4)
      Giraffe (>= 5.0 < 5.1)
      Suave (>= 2.5.6 < 2.6)
    Aardvark.UI (5.3.0-prerelease0004)
      Aardvark.Application (>= 5.1.22)
      Aardvark.Base (>= 5.1.11 < 5.2)
      Aardvark.Base.FSharp (>= 5.1.11 < 5.2)
      Aardvark.Base.Incremental (>= 5.1.11 < 5.2)
      Aardvark.Rendering (>= 5.1.18 < 5.2)
      Aardvark.SceneGraph (>= 5.1.18 < 5.2)
      Aardvark.Service (5.3.0-prerelease0004)
      FSharp.Core (>= 5.0.1)
      FSharp.Data.Adaptive (>= 1.2.8 < 1.3)
      FsPickler (>= 5.3.2 < 5.4)
      FsPickler.Json (>= 5.3.2 < 5.4)
      Suave (>= 2.5.6 < 2.6)
    Aardvark.UI.Primitives (5.3.0-prerelease0004)
      Aardvark.Application (>= 5.1.22)
      Aardvark.Base (>= 5.1.11 < 5.2)
      Aardvark.Base.FSharp (>= 5.1.11 < 5.2)
      Aardvark.Base.Incremental (>= 5.1.11 < 5.2)
      Aardvark.Rendering (>= 5.1.18 < 5.2)
      Aardvark.SceneGraph (>= 5.1.18 < 5.2)
      Aardvark.Service (5.3.0-prerelease0004)
      Aardvark.UI (5.3.0-prerelease0004)
      Adaptify.Core (>= 1.1 < 2.0)
      Aether (>= 8.3.1 < 8.4)
      FSharp.Core (>= 5.0.1)
      FSharp.Data.Adaptive (>= 1.2.8 < 1.3)
      FsPickler (>= 5.3.2 < 5.4)
      FsPickler.Json (>= 5.3.2 < 5.4)
    Adaptify.Core (1.1.1)
      FSharp.Data.Adaptive (>= 1.2.8 < 1.3)
    Adaptify.MSBuild (1.1.1)
      Adaptify.Core (1.1.1)
    Aether (8.3.1)
      FSharp.Core (>= 4.3.4)
    AssimpNet (5.0.0-beta1)
      NETStandard.Library (>= 1.6.1)
    Chiron (6.3.1)
      Aether (>= 8.2)
      FParsec (>= 1.0.3)
      FSharp.Core (>= 4.3.4)
    CommonMark.NET (0.15.1)
    DevILSharp (0.2.18)
      FSharp.Core (>= 4.6.2)
    Expecto (9.0.2)
      FSharp.Core (>= 4.6)
      Mono.Cecil (>= 0.11.2)
    Fable.AST (3.1.1)
    Fable.Browser.Blob (1.1.4)
      Fable.Core (>= 3.0)
      FSharp.Core (>= 4.7.2)
    Fable.Browser.Dom (2.4.4)
      Fable.Browser.Blob (>= 1.1.4)
      Fable.Browser.Event (>= 1.4.4)
      Fable.Browser.WebStorage (>= 1.0.4)
      Fable.Core (>= 3.0)
      FSharp.Core (>= 4.7.2)
    Fable.Browser.Event (1.4.5)
      Fable.Browser.Gamepad (>= 1.0.3)
      Fable.Core (>= 3.0)
      FSharp.Core (>= 4.7.2)
    Fable.Browser.Gamepad (1.0.3)
      Fable.Core (>= 3.0)
      FSharp.Core (>= 4.7.2)
    Fable.Browser.WebStorage (1.0.4)
      Fable.Browser.Event (>= 1.4.4)
      Fable.Core (>= 3.0)
      FSharp.Core (>= 4.7.2)
    Fable.Browser.XMLHttpRequest (1.1.6)
      Fable.Browser.Blob (>= 1.1.4)
      Fable.Browser.Event (>= 1.4.4)
      Fable.Core (>= 3.0)
      FSharp.Core (>= 4.7.2)
    Fable.Core (3.2.8)
      FSharp.Core (>= 4.7.2)
    Fable.Elmish (3.1)
      Fable.Core (>= 3.0)
      FSharp.Core (>= 4.6.2)
    Fable.Elmish.Browser (3.0.4)
      Fable.Browser.Dom (>= 1.0)
      Fable.Core (>= 3.0)
      Fable.Elmish (>= 3.0)
      FSharp.Core (>= 4.6.2)
    Fable.Elmish.Debugger (3.2)
      Fable.Core (>= 3.1.5)
      Fable.Elmish (>= 3.0)
      FSharp.Core (>= 4.7)
      Thoth.Json (>= 4.0)
    Fable.Elmish.HMR (4.1)
      Fable.Core (>= 3.0)
      Fable.Elmish.Browser (>= 3.0.4)
      Fable.Elmish.React (>= 3.0.1)
      FSharp.Core (>= 4.6.2)
    Fable.Elmish.React (3.0.1)
      Fable.Core (>= 3.0)
      Fable.Elmish (>= 3.0)
      Fable.React (>= 5.1)
      FSharp.Core (>= 4.6.2)
    Fable.Mocha (2.10)
      Fable.Core (>= 3.0)
      FSharp.Core (>= 4.7)
    Fable.Parsimmon (4.1)
      Fable.Core (>= 3.0)
      FSharp.Core (>= 4.6.2)
    Fable.React (7.4.1)
      Fable.Browser.Dom (>= 2.4.4)
      Fable.Core (>= 3.2.7)
      FSharp.Core (>= 4.7.2)
    Fable.Remoting.Client (7.16)
      Fable.Browser.XMLHttpRequest (>= 1.0)
      Fable.Core (>= 3.1.5)
      Fable.Remoting.MsgPack (>= 1.13)
      Fable.SimpleJson (>= 3.21)
      FSharp.Core (>= 4.7)
    Fable.Remoting.Giraffe (5.3)
      Fable.Remoting.Server (>= 5.23)
      FSharp.Core (>= 5.0)
      Giraffe (>= 5.0)
    Fable.Remoting.Json (2.17)
      FSharp.Core (>= 4.7.2)
      Newtonsoft.Json (>= 12.0.2)
    Fable.Remoting.MsgPack (1.13)
      FSharp.Core (>= 4.7.2)
    Fable.Remoting.Server (5.23)
      Fable.Remoting.Json (>= 2.17)
      Fable.Remoting.MsgPack (>= 1.13)
      FSharp.Core (>= 4.7.2)
    Fable.SimpleJson (3.21)
      Fable.Core (>= 3.1.5)
      Fable.Parsimmon (>= 4.0)
      FSharp.Core (>= 4.7)
    Fake.Core.CommandLineParsing (5.20.4)
      FParsec (>= 1.1.1)
      FSharp.Core (>= 4.7.2)
    Fake.Core.Context (5.20.4)
      FSharp.Core (>= 4.7.2)
    Fake.Core.Environment (5.20.4)
      FSharp.Core (>= 4.7.2)
    Fake.Core.FakeVar (5.20.4)
      Fake.Core.Context (>= 5.20.4)
      FSharp.Core (>= 4.7.2)
    Fake.Core.Process (5.20.4)
      Fake.Core.Environment (>= 5.20.4)
      Fake.Core.FakeVar (>= 5.20.4)
      Fake.Core.String (>= 5.20.4)
      Fake.Core.Trace (>= 5.20.4)
      Fake.IO.FileSystem (>= 5.20.4)
      FSharp.Core (>= 4.7.2)
      System.Collections.Immutable (>= 1.7.1)
    Fake.Core.String (5.20.4)
      FSharp.Core (>= 4.7.2)
    Fake.Core.Target (5.20.4)
      Fake.Core.CommandLineParsing (>= 5.20.4)
      Fake.Core.Context (>= 5.20.4)
      Fake.Core.Environment (>= 5.20.4)
      Fake.Core.FakeVar (>= 5.20.4)
      Fake.Core.Process (>= 5.20.4)
      Fake.Core.String (>= 5.20.4)
      Fake.Core.Trace (>= 5.20.4)
      FSharp.Control.Reactive (>= 4.4.2)
      FSharp.Core (>= 4.7.2)
    Fake.Core.Trace (5.20.4)
      Fake.Core.Environment (>= 5.20.4)
      Fake.Core.FakeVar (>= 5.20.4)
      FSharp.Core (>= 4.7.2)
    Fake.IO.FileSystem (5.20.4)
      Fake.Core.String (>= 5.20.4)
      FSharp.Core (>= 4.7.2)
    Farmer (1.6.12)
      FSharp.Core (>= 5.0)
    Feliz (1.47)
      Fable.Core (>= 3.1.5)
      Fable.React (>= 7.4)
      Feliz.CompilerPlugins (>= 1.5)
      FSharp.Core (>= 4.7.2)
    Feliz.Bulma (2.15)
      Feliz (>= 1.32)
      FSharp.Core (>= 5.0)
    Feliz.CompilerPlugins (1.5)
      Fable.AST (>= 3.0)
      FSharp.Core (>= 4.7.2)
    FParsec (1.1.1)
      FSharp.Core (>= 4.3.4)
    FShade (5.2.7)
      FShade.Core (5.2.7)
      FShade.GLSL (5.2.7)
      FShade.Imperative (5.2.7)
      FShade.SpirV (5.2.7)
    FShade.Core (5.2.7)
      Aardvark.Base (>= 5.1.22 < 5.2)
      Aardvark.Base.FSharp (>= 5.1.22 < 5.2)
      FShade.Imperative (5.2.7)
      FSharp.Core (>= 5.0)
    FShade.GLSL (5.2.7)
      Aardvark.Base (>= 5.1.22 < 5.2)
      Aardvark.Base.FSharp (>= 5.1.22 < 5.2)
      FShade.Core (5.2.7)
      FShade.Imperative (5.2.7)
      FSharp.Core (>= 5.0)
    FShade.Imperative (5.2.7)
      Aardvark.Base (>= 5.1.22 < 5.2)
      Aardvark.Base.FSharp (>= 5.1.22 < 5.2)
      FSharp.Core (>= 5.0)
      FsPickler (>= 5.3.2 < 5.4)
    FShade.SpirV (5.2.7)
      Aardvark.Base (>= 5.1.22 < 5.2)
      Aardvark.Base.FSharp (>= 5.1.22 < 5.2)
      FShade.Core (5.2.7)
      FShade.Imperative (5.2.7)
      FSharp.Core (>= 5.0)
    FSharp.Control.Reactive (5.0.2)
      FSharp.Core (>= 4.7.2)
      System.Reactive (>= 5.0)
    FSharp.Control.Websockets (0.2.2)
      FSharp.Core (>= 4.3.4)
      Microsoft.IO.RecyclableMemoryStream (>= 1.2.2)
    FSharp.Core (5.0.1)
    FSharp.Data (3.1.1)
      FSharp.Core (>= 4.3.4)
    FSharp.Data.Adaptive (1.2.8)
      FSharp.Core (>= 4.7)
      System.Reflection.Emit.Lightweight (>= 4.6)
    FsPickler (5.3.2)
      FSharp.Core (>= 4.3.2)
      System.Reflection.Emit.Lightweight (>= 4.3)
    FsPickler.Json (5.3.2)
      FSharp.Core (>= 4.3.2)
      FsPickler (>= 5.3.2)
      Newtonsoft.Json (>= 10.0.1)
    FSys (0.0.1)
      FSharp.Core (>= 4.7)
    Fulma (2.14)
      Fable.Core (>= 3.2.6)
      Fable.React (>= 7.4)
    Giraffe (5.0)
      FSharp.Core (>= 5.0)
      Giraffe.ViewEngine (>= 1.3)
      Microsoft.IO.RecyclableMemoryStream (>= 1.3.6)
      Newtonsoft.Json (>= 12.0.3)
      Ply (>= 0.3.1)
      System.Text.Json (>= 5.0.2)
      Utf8Json (>= 1.3.7)
    Giraffe.ViewEngine (1.4)
      FSharp.Core (>= 5.0)
    GLSLangSharp (0.4.14)
      FSharp.Core (>= 5.0)
    Microsoft.AspNetCore.Authentication.JwtBearer (5.0.7)
      Microsoft.IdentityModel.Protocols.OpenIdConnect (>= 6.7.1)
    Microsoft.Bcl.AsyncInterfaces (6.0)
    Microsoft.CSharp (4.7)
    Microsoft.Diagnostics.NETCore.Client (0.2.257301)
      Microsoft.Bcl.AsyncInterfaces (>= 1.1)
      Microsoft.Extensions.Logging (>= 2.1.1)
    Microsoft.Diagnostics.Runtime (2.0.226801)
      Microsoft.Diagnostics.NETCore.Client (>= 0.2.221401)
      System.Buffers (>= 4.5.1)
      System.Collections.Immutable (>= 5.0)
      System.Memory (>= 4.5.4)
      System.Reflection.Metadata (>= 5.0)
      System.Runtime.CompilerServices.Unsafe (>= 4.5.3)
    Microsoft.DotNet.PlatformAbstractions (3.1.6)
    Microsoft.Extensions.DependencyInjection (6.0)
      Microsoft.Extensions.DependencyInjection.Abstractions (>= 6.0)
      System.Runtime.CompilerServices.Unsafe (>= 6.0)
    Microsoft.Extensions.DependencyInjection.Abstractions (6.0)
    Microsoft.Extensions.DependencyModel (5.0)
    Microsoft.Extensions.Logging (6.0)
      Microsoft.Extensions.DependencyInjection (>= 6.0)
      Microsoft.Extensions.DependencyInjection.Abstractions (>= 6.0)
      Microsoft.Extensions.Logging.Abstractions (>= 6.0)
      Microsoft.Extensions.Options (>= 6.0)
      System.Diagnostics.DiagnosticSource (>= 6.0)
    Microsoft.Extensions.Logging.Abstractions (6.0)
      System.Buffers (>= 4.5.1)
      System.Memory (>= 4.5.4)
    Microsoft.Extensions.Options (6.0)
      Microsoft.Extensions.DependencyInjection.Abstractions (>= 6.0)
      Microsoft.Extensions.Primitives (>= 6.0)
    Microsoft.Extensions.Primitives (6.0)
      System.Runtime.CompilerServices.Unsafe (>= 6.0)
    Microsoft.IdentityModel.JsonWebTokens (6.11.1)
      Microsoft.IdentityModel.Tokens (>= 6.11.1)
    Microsoft.IdentityModel.Logging (6.11.1)
    Microsoft.IdentityModel.Protocols (6.11.1)
      Microsoft.IdentityModel.Logging (>= 6.11.1)
      Microsoft.IdentityModel.Tokens (>= 6.11.1)
    Microsoft.IdentityModel.Protocols.OpenIdConnect (6.11.1)
      Microsoft.IdentityModel.Protocols (>= 6.11.1)
      System.IdentityModel.Tokens.Jwt (>= 6.11.1)
    Microsoft.IdentityModel.Tokens (6.11.1)
      Microsoft.CSharp (>= 4.5)
      Microsoft.IdentityModel.Logging (>= 6.11.1)
      System.Security.Cryptography.Cng (>= 4.5)
    Microsoft.IO.RecyclableMemoryStream (2.1.2)
    Microsoft.NETCore.Platforms (6.0.1)
    Microsoft.NETCore.Targets (5.0)
    Mono.Cecil (0.11.3)
    NETStandard.Library (2.0.3)
      Microsoft.NETCore.Platforms (>= 1.1)
    Newtonsoft.Json (13.0.1)
    OPCViewer.Base (1.0.12)
      Aardium (>= 2.0 < 2.1)
      Aardvark.Application.Slim.GL (>= 5.1.9 < 5.2)
      Aardvark.Base (>= 5.1.9 < 5.2)
      Aardvark.Base.FSharp (>= 5.1.9 < 5.2)
      Aardvark.Geometry.Intersection (>= 5.1.11 < 5.2)
      Aardvark.Rendering (>= 5.1.9 < 5.2)
      Aardvark.Rendering.Text (>= 5.1.9 < 5.2)
      Aardvark.Rendering.Vulkan (>= 5.1.9 < 5.2)
      Aardvark.SceneGraph (>= 5.1.9 < 5.2)
      Aardvark.SceneGraph.IO (>= 5.1.9 < 5.2)
      Aardvark.SceneGraph.Opc (>= 5.1.9 < 5.2)
      Aardvark.UI.Primitives (>= 5.3.0-prerelease0002 < 5.4.0-prerelease)
      FSharp.Core (>= 5.0)
      FsPickler (>= 5.3.2 < 5.4)
      FsPickler.Json (>= 5.3.2 < 5.4)
      Uncodium.Eigensystems (>= 1.1.2 < 1.2)
    Ply (0.3.1)
      FSharp.Core (>= 4.6.2)
      System.Threading.Tasks.Extensions (>= 4.5.4)
    Saturn (0.15)
      FSharp.Control.Websockets (>= 0.2.2)
      FSharp.Core (>= 5.0.1)
      Giraffe (>= 5.0)
      Microsoft.AspNetCore.Authentication.JwtBearer (>= 5.0.7)
    SharpZipLib (1.2)
    Silk.NET.Core (1.7)
      Microsoft.CSharp (>= 4.7)
      System.Memory (>= 4.5.3)
      System.Numerics.Vectors (>= 4.5)
      System.Reflection.Emit (>= 4.7)
      System.Reflection.Emit.ILGeneration (>= 4.7)
      System.Runtime.CompilerServices.Unsafe (>= 4.7)
      Ultz.SuperInvoke (>= 1.1)
    Silk.NET.GLFW (1.7)
      Silk.NET.Core (>= 1.7)
      Ultz.Native.GLFW (>= 3.3.2)
    SixLabors.ImageSharp (1.0.4)
    Suave (2.5.6)
      FSharp.Core (>= 4.3.4)
    System.Buffers (4.5.1)
    System.Collections (4.3)
      Microsoft.NETCore.Platforms (>= 1.1)
      Microsoft.NETCore.Targets (>= 1.1)
      System.Runtime (>= 4.3)
    System.Collections.Immutable (5.0)
    System.Diagnostics.Debug (4.3)
      Microsoft.NETCore.Platforms (>= 1.1)
      Microsoft.NETCore.Targets (>= 1.1)
      System.Runtime (>= 4.3)
    System.Diagnostics.DiagnosticSource (6.0)
      System.Runtime.CompilerServices.Unsafe (>= 6.0)
    System.Dynamic.Runtime (4.3)
      System.Collections (>= 4.3)
      System.Diagnostics.Debug (>= 4.3)
      System.Linq (>= 4.3)
      System.Linq.Expressions (>= 4.3)
      System.ObjectModel (>= 4.3)
      System.Reflection (>= 4.3)
      System.Reflection.Emit (>= 4.3)
      System.Reflection.Emit.ILGeneration (>= 4.3)
      System.Reflection.Primitives (>= 4.3)
      System.Reflection.TypeExtensions (>= 4.3)
      System.Resources.ResourceManager (>= 4.3)
      System.Runtime (>= 4.3)
      System.Runtime.Extensions (>= 4.3)
      System.Threading (>= 4.3)
    System.Formats.Asn1 (5.0)
    System.Globalization (4.3)
      Microsoft.NETCore.Platforms (>= 1.1)
      Microsoft.NETCore.Targets (>= 1.1)
      System.Runtime (>= 4.3)
    System.IdentityModel.Tokens.Jwt (6.11.1)
      Microsoft.IdentityModel.JsonWebTokens (>= 6.11.1)
      Microsoft.IdentityModel.Tokens (>= 6.11.1)
    System.IO (4.3)
      Microsoft.NETCore.Platforms (>= 1.1)
      Microsoft.NETCore.Targets (>= 1.1)
      System.Runtime (>= 4.3)
      System.Text.Encoding (>= 4.3)
      System.Threading.Tasks (>= 4.3)
    System.Linq (4.3)
      System.Collections (>= 4.3)
      System.Diagnostics.Debug (>= 4.3)
      System.Resources.ResourceManager (>= 4.3)
      System.Runtime (>= 4.3)
      System.Runtime.Extensions (>= 4.3)
    System.Linq.Expressions (4.3)
      System.Collections (>= 4.3)
      System.Diagnostics.Debug (>= 4.3)
      System.Globalization (>= 4.3)
      System.IO (>= 4.3)
      System.Linq (>= 4.3)
      System.ObjectModel (>= 4.3)
      System.Reflection (>= 4.3)
      System.Reflection.Emit (>= 4.3)
      System.Reflection.Emit.ILGeneration (>= 4.3)
      System.Reflection.Emit.Lightweight (>= 4.3)
      System.Reflection.Extensions (>= 4.3)
      System.Reflection.Primitives (>= 4.3)
      System.Reflection.TypeExtensions (>= 4.3)
      System.Resources.ResourceManager (>= 4.3)
      System.Runtime (>= 4.3)
      System.Runtime.Extensions (>= 4.3)
      System.Threading (>= 4.3)
    System.Memory (4.5.4)
    System.Numerics.Vectors (4.5)
    System.ObjectModel (4.3)
      System.Collections (>= 4.3)
      System.Diagnostics.Debug (>= 4.3)
      System.Resources.ResourceManager (>= 4.3)
      System.Runtime (>= 4.3)
      System.Threading (>= 4.3)
    System.Reactive (5.0)
    System.Reflection (4.3)
      Microsoft.NETCore.Platforms (>= 1.1)
      Microsoft.NETCore.Targets (>= 1.1)
      System.IO (>= 4.3)
      System.Reflection.Primitives (>= 4.3)
      System.Runtime (>= 4.3)
    System.Reflection.Emit (4.7)
    System.Reflection.Emit.ILGeneration (4.7)
    System.Reflection.Emit.Lightweight (4.7)
    System.Reflection.Extensions (4.3)
      Microsoft.NETCore.Platforms (>= 1.1)
      Microsoft.NETCore.Targets (>= 1.1)
      System.Reflection (>= 4.3)
      System.Runtime (>= 4.3)
    System.Reflection.Metadata (5.0)
    System.Reflection.Primitives (4.3)
      Microsoft.NETCore.Platforms (>= 1.1)
      Microsoft.NETCore.Targets (>= 1.1)
      System.Runtime (>= 4.3)
    System.Reflection.TypeExtensions (4.7)
    System.Resources.ResourceManager (4.3)
      Microsoft.NETCore.Platforms (>= 1.1)
      Microsoft.NETCore.Targets (>= 1.1)
      System.Globalization (>= 4.3)
      System.Reflection (>= 4.3)
      System.Runtime (>= 4.3)
    System.Runtime (4.3.1)
      Microsoft.NETCore.Platforms (>= 1.1.1)
      Microsoft.NETCore.Targets (>= 1.1.3)
    System.Runtime.CompilerServices.Unsafe (6.0)
    System.Runtime.Extensions (4.3.1)
      Microsoft.NETCore.Platforms (>= 1.1.1)
      Microsoft.NETCore.Targets (>= 1.1.3)
      System.Runtime (>= 4.3.1)
    System.Security.Cryptography.Cng (5.0)
      System.Formats.Asn1 (>= 5.0)
    System.Text.Encoding (4.3)
      Microsoft.NETCore.Platforms (>= 1.1)
      Microsoft.NETCore.Targets (>= 1.1)
      System.Runtime (>= 4.3)
    System.Text.Json (5.0.2)
    System.Threading (4.3)
      System.Runtime (>= 4.3)
      System.Threading.Tasks (>= 4.3)
    System.Threading.Tasks (4.3)
      Microsoft.NETCore.Platforms (>= 1.1)
      Microsoft.NETCore.Targets (>= 1.1)
      System.Runtime (>= 4.3)
    System.Threading.Tasks.Extensions (4.5.4)
    System.ValueTuple (4.5)
    Thoth.Json (5.1)
      Fable.Core (>= 3.1.6)
      FSharp.Core (>= 4.7.2)
    Ultz.Native.GLFW (3.3.3.1)
    Ultz.SuperInvoke (1.1)
      System.Memory (>= 4.5.3)
      System.Reflection.Emit (>= 4.7)
      Ultz.SuperInvoke.Loader (>= 1.1)
    Ultz.SuperInvoke.Loader (1.1)
      Microsoft.DotNet.PlatformAbstractions (>= 3.1.1)
      Microsoft.Extensions.DependencyModel (>= 3.1.1)
    Uncodium.Eigensystems (1.1.2)
      Aardvark.Base (>= 5.1 < 6.0)
    Unofficial.LibTessDotNet (2.0.2)
    Unofficial.OpenTK (3.0.20)
    Unofficial.Typography (0.1)
      System.Numerics.Vectors (>= 4.5)
    Utf8Json (1.3.7)
      System.Reflection.Emit (>= 4.3)
      System.Reflection.Emit.Lightweight (>= 4.3)
      System.Threading.Tasks.Extensions (>= 4.4)
      System.ValueTuple (>= 4.4)
  remote: https://vrvis.myget.org/F/aardvark_public/api/v3/index.json
    Aardvark.GeoSpatial.Opc (5.5.1)
      Aardvark.Base (>= 5.1.9 < 5.2)
      Aardvark.Base.FSharp (>= 5.1.9 < 5.2)
      Aardvark.Base.IO (>= 5.1.9 < 5.2)
      Aardvark.Geometry.Intersection (>= 5.1.11 < 5.2)
      Aardvark.Rendering (>= 5.1.9 < 5.2)
      Aardvark.Rendering.GL (>= 5.1.9)
      Aardvark.SceneGraph (>= 5.1.9 < 5.2)
      Aardvark.SceneGraph.Opc (>= 5.1.9 < 5.2)
      FSharp.Core (>= 4.7)
      FSharp.Data.Adaptive (>= 1.2.4 < 1.3)
  remote: ../bin/pack
    PRo3D.Base (4.6.1-prerelease1)
      Aardvark.Base (>= 5.1.26 < 5.2)
      Aardvark.Base.FSharp (>= 5.1.26 < 5.2)
      Aardvark.Base.Incremental (>= 5.1.26 < 5.2)
      Aardvark.Geometry.Intersection (>= 5.1.11 < 5.2)
      Aardvark.GeoSpatial.Opc (>= 5.5.1 < 5.6)
      Aardvark.Rendering (>= 5.1.22 < 5.2)
      Aardvark.Rendering.Text (>= 5.1.22 < 5.2)
      Aardvark.SceneGraph (>= 5.1.22 < 5.2)
      Aardvark.SceneGraph.Opc (>= 5.1.22 < 5.2)
      Aardvark.UI (>= 5.3.0-prerelease0002 < 5.4.0-prerelease)
      Aardvark.UI.Primitives (>= 5.3.0-prerelease0002 < 5.4.0-prerelease)
      Adaptify.Core (>= 1.1.1 < 1.2)
      Chiron (>= 6.3.1 < 6.4)
      FSharp.Core (>= 5.0 < 5.1)
      FSharp.Data (>= 3.1.1 < 3.2)
      Microsoft.Diagnostics.Runtime (>= 2.0.1 < 2.1)
      OPCViewer.Base (>= 1.0.12 < 1.1)
